RESTRICTION: || (== net471) (== netcoreapp2.0) (== netstandard2.0)
NUGET
  remote: https://api.nuget.org/v3/index.json
    Aardium (1.0.21)
      Aardvark.Base.FSharp (>= 4.5.8)
    Aardvark.Application (4.10.3)
      Aardvark.Base.Essentials (>= 4.5.11 < 4.6)
      Aardvark.Base.Incremental (>= 4.5.11 < 4.6)
      Aardvark.Base.Rendering (4.10.3)
      FShade.Core (>= 4.3.9 < 4.4)
      FShade.GLSL (>= 4.3.9)
      FSharp.Core (>= 4.6.2 < 4.7)
    Aardvark.Application.OpenVR (4.10.3)
      Aardvark.Application (4.10.3)
      Aardvark.Base.Essentials (>= 4.5.11 < 4.6)
      Aardvark.Base.Incremental (>= 4.5.11 < 4.6)
      Aardvark.Base.Rendering (4.10.3)
      Aardvark.Rendering.Text (4.10.3)
      Aardvark.SceneGraph (4.10.3)
      FShade.Core (>= 4.3.9 < 4.4)
      FShade.GLSL (>= 4.3.9)
      FSharp.Core (>= 4.6.2 < 4.7)
      Unofficial.OpenVR (>= 1.1 < 1.2)
    Aardvark.Application.OpenVR.GL (4.10.3)
      Aardvark.Application (4.10.3)
      Aardvark.Application.OpenVR (4.10.3)
      Aardvark.Application.Slim (4.10.3)
      Aardvark.Application.Slim.GL (4.10.3)
      Aardvark.Base.Essentials (>= 4.5.11 < 4.6)
      Aardvark.Base.Incremental (>= 4.5.11 < 4.6)
      Aardvark.Base.Rendering (4.10.3)
      Aardvark.Base.Runtime (>= 4.5.11 < 4.6)
      Aardvark.Rendering.GL (4.10.3)
      Aardvark.SceneGraph (4.10.3)
      FShade.Core (>= 4.3.9 < 4.4)
      FShade.GLSL (>= 4.3.9)
      FSharp.Core (>= 4.6.2 < 4.7)
      Unofficial.OpenTK (>= 3.0.16 < 3.1)
      Unofficial.OpenVR (>= 1.1 < 1.2)
    Aardvark.Application.OpenVR.Vulkan (4.10.3)
      Aardvark.Application (4.10.3)
      Aardvark.Application.OpenVR (4.10.3)
      Aardvark.Base.Essentials (>= 4.5.11 < 4.6)
      Aardvark.Base.Incremental (>= 4.5.11 < 4.6)
      Aardvark.Base.Rendering (4.10.3)
      Aardvark.Base.Runtime (>= 4.5.11 < 4.6)
      Aardvark.Rendering.Vulkan (4.10.3)
      Aardvark.SceneGraph (4.10.3)
      FShade.Core (>= 4.3.9 < 4.4)
      FShade.GLSL (>= 4.3.9)
      FSharp.Core (>= 4.6.2 < 4.7)
      Unofficial.OpenVR (>= 1.1 < 1.2)
    Aardvark.Application.Slim (4.10.3)
      Aardvark.Application (4.10.3)
      Aardvark.Base.Essentials (>= 4.5.11 < 4.6)
      Aardvark.Base.Incremental (>= 4.5.11 < 4.6)
      Aardvark.Base.Rendering (4.10.3)
      Aardvark.Base.Runtime (>= 4.5.11 < 4.6)
      FShade (>= 4.3.9 < 4.4)
      FSharp.Core (>= 4.6.2 < 4.7)
      Unofficial.OpenTK (>= 3.0.16 < 3.1)
    Aardvark.Application.Slim.GL (4.10.3)
      Aardvark.Application (4.10.3)
      Aardvark.Base.Essentials (>= 4.5.11 < 4.6)
      Aardvark.Base.Incremental (>= 4.5.11 < 4.6)
      Aardvark.Base.Rendering (4.10.3)
      Aardvark.Base.Runtime (>= 4.5.11 < 4.6)
      Aardvark.Rendering.GL (4.10.3)
      FShade (>= 4.3.9 < 4.4)
      FSharp.Core (>= 4.6.2 < 4.7)
      Unofficial.OpenTK (>= 3.0.16 < 3.1)
    Aardvark.Application.Slim.Vulkan (4.10.3)
      Aardvark.Application (4.10.3)
      Aardvark.Application.Slim (4.10.3)
      Aardvark.Base.Essentials (>= 4.5.11 < 4.6)
      Aardvark.Base.Incremental (>= 4.5.11 < 4.6)
      Aardvark.Base.Rendering (4.10.3)
      Aardvark.Base.Runtime (>= 4.5.11 < 4.6)
      Aardvark.Rendering.Vulkan (4.10.3)
      FShade (>= 4.3.9 < 4.4)
      FSharp.Core (>= 4.6.2 < 4.7)
      GLSLangSharp (>= 0.4.4 < 0.5)
      Unofficial.OpenTK (>= 3.0.16 < 3.1)
    Aardvark.Application.Utilities (4.10.3)
      Aardvark.Application (4.10.3)
      Aardvark.Application.OpenVR (4.10.3)
      Aardvark.Application.OpenVR.GL (4.10.3)
      Aardvark.Application.OpenVR.Vulkan (4.10.3)
      Aardvark.Application.Slim (4.10.3)
      Aardvark.Application.Slim.GL (4.10.3)
      Aardvark.Application.Slim.Vulkan (4.10.3)
      Aardvark.Base.Essentials (>= 4.5.11 < 4.6)
      Aardvark.Base.Incremental (>= 4.5.11 < 4.6)
      Aardvark.Base.Rendering (4.10.3)
      Aardvark.Base.Runtime (>= 4.5.11 < 4.6)
      Aardvark.Rendering.GL (4.10.3)
      Aardvark.Rendering.Text (4.10.3)
      Aardvark.Rendering.Vulkan (4.10.3)
      Aardvark.SceneGraph (4.10.3)
      FShade.Core (>= 4.3.9 < 4.4)
      FShade.GLSL (>= 4.3.9)
      FSharp.Core (>= 4.6.2 < 4.7)
      Unofficial.OpenTK (>= 3.0.16 < 3.1)
      Unofficial.OpenVR (>= 1.1 < 1.2)
    Aardvark.Application.WinForms (4.10.3)
      Aardvark.Application (4.10.3)
      Aardvark.Base.Essentials (>= 4.5.11 < 4.6)
      Aardvark.Base.Incremental (>= 4.5.11 < 4.6)
      Aardvark.Base.Rendering (4.10.3)
      FShade.Core (>= 4.3.9 < 4.4)
      FShade.GLSL (>= 4.3.9)
      FSharp.Core (>= 4.6.2 < 4.7)
    Aardvark.Application.WinForms.GL (4.10.3)
      Aardvark.Application (4.10.3)
      Aardvark.Application.WinForms (4.10.3)
      Aardvark.Base.Essentials (>= 4.5.11 < 4.6)
      Aardvark.Base.Incremental (>= 4.5.11 < 4.6)
      Aardvark.Base.Rendering (4.10.3)
      Aardvark.Base.Runtime (>= 4.5.11 < 4.6)
      Aardvark.Rendering.GL (4.10.3)
      FShade.Core (>= 4.3.9 < 4.4)
      FShade.GLSL (>= 4.3.9)
      FSharp.Core (>= 4.6.2 < 4.7)
      Unofficial.OpenTK (>= 3.0.16 < 3.1)
      Unofficial.OpenTK.GLControl (>= 3.0.16 < 3.1)
    Aardvark.Application.WinForms.Vulkan (4.10.3)
      Aardvark.Application (4.10.3)
      Aardvark.Application.WinForms (4.10.3)
      Aardvark.Base.Essentials (>= 4.5.11 < 4.6)
      Aardvark.Base.Incremental (>= 4.5.11 < 4.6)
      Aardvark.Base.Rendering (4.10.3)
      Aardvark.Base.Runtime (>= 4.5.11 < 4.6)
      Aardvark.Rendering.Vulkan (4.10.3)
      FShade.Core (>= 4.3.9 < 4.4)
      FShade.GLSL (>= 4.3.9)
      FSharp.Core (>= 4.6.2 < 4.7)
    Aardvark.Base (4.5.11)
      Aardvark.Base.Telemetry (4.5.11)
      DevILSharp (>= 0.2.5 < 0.3)
      System.Collections.Immutable (>= 1.5 < 1.6)
    Aardvark.Base.Essentials (4.5.11)
      Aardvark.Base (4.5.11)
      DevILSharp (>= 0.2.5 < 0.3)
      System.Collections.Immutable (>= 1.5 < 1.6)
      System.Reactive (>= 4.1.5 < 4.2)
    Aardvark.Base.FSharp (4.5.11)
      Aardvark.Base (4.5.11)
      Aardvark.Base.TypeProviders (>= 4.5.8 < 4.6)
      DevILSharp (>= 0.2.5 < 0.3)
      FSharp.Core (>= 4.6.2 < 4.7)
      FsPickler (>= 5.2.2 < 5.3)
      System.Dynamic.Runtime (>= 4.3 < 4.4)
    Aardvark.Base.Incremental (4.5.11)
      Aardvark.Base (4.5.11)
      Aardvark.Base.FSharp (4.5.11)
      Aardvark.Base.TypeProviders (>= 4.5.8 < 4.6)
      DevILSharp (>= 0.2.5 < 0.3)
      FSharp.Core (>= 4.6.2 < 4.7)
      FsPickler (>= 5.2.2 < 5.3)
    Aardvark.Base.Rendering (4.10.3)
      Aardvark.Base.Essentials (>= 4.5.11 < 4.6)
      Aardvark.Base.Incremental (>= 4.5.11 < 4.6)
      FShade.Core (>= 4.3.9 < 4.4)
      FShade.GLSL (>= 4.3.9)
      FSharp.Core (>= 4.6.2 < 4.7)
    Aardvark.Base.Runtime (4.5.11)
      Aardvark.Base.FSharp (4.5.11)
      Aardvark.Base.Incremental (4.5.11)
      Aardvark.Base.TypeProviders (>= 4.5.8 < 4.6)
      DevILSharp (>= 0.2.5 < 0.3)
      FSharp.Core (>= 4.6.2 < 4.7)
      FsPickler (>= 5.2.2 < 5.3)
    Aardvark.Base.Telemetry (4.5.11)
    Aardvark.Base.TypeProviders (4.5.8)
      FSharp.Core (>= 4.3)
    Aardvark.Compiler.DomainTypes (4.3)
      Aardvark.Base.Incremental (>= 4.5.8 < 4.6)
      FSharp.Core (>= 4.6.2 < 4.7)
    Aardvark.Compiler.DomainTypes.MSBuild (4.3)
      Aardvark.Compiler.DomainTypes (4.3)
    Aardvark.GPGPU (4.10.3)
      Aardvark.Base.Incremental (>= 4.5.11 < 4.6)
      Aardvark.Base.Rendering (4.10.3)
      FShade.Core (>= 4.3.9 < 4.4)
      FShade.GLSL (>= 4.3.9)
      FSharp.Core (>= 4.6.2 < 4.7)
    Aardvark.Rendering.GL (4.10.3)
      Aardvark.Base.Essentials (>= 4.5.11 < 4.6)
      Aardvark.Base.Incremental (>= 4.5.11 < 4.6)
      Aardvark.Base.Rendering (4.10.3)
      Aardvark.Base.Runtime (>= 4.5.11 < 4.6)
      FShade (>= 4.3.9 < 4.4)
      FSharp.Core (>= 4.6.2 < 4.7)
      Unofficial.OpenTK (>= 3.0.16 < 3.1)
    Aardvark.Rendering.Text (4.10.3)
      Aardvark.Base.Incremental (>= 4.5.11 < 4.6)
      Aardvark.Base.Rendering (4.10.3)
      Aardvark.SceneGraph (4.10.3)
      CommonMark.NET (>= 0.15.1 < 0.16)
      FShade.Core (>= 4.3.9 < 4.4)
      FShade.GLSL (>= 4.3.9)
      FSharp.Core (>= 4.6.2 < 4.7)
      Unofficial.LibTessDotNet (>= 2.0.2 < 2.1)
      Unofficial.Typography (>= 0.0.3 < 0.1)
    Aardvark.Rendering.Vulkan (4.10.3)
      Aardvark.Base.Incremental (>= 4.5.11 < 4.6)
      Aardvark.Base.Rendering (4.10.3)
      Aardvark.Base.Runtime (>= 4.5.11 < 4.6)
      FShade (>= 4.3.9 < 4.4)
      FSharp.Core (>= 4.6.2 < 4.7)
      GLSLangSharp (>= 0.4.4 < 0.5)
    Aardvark.SceneGraph (4.10.3)
      Aardvark.Base.Incremental (>= 4.5.11 < 4.6)
      Aardvark.Base.Rendering (4.10.3)
      FShade.Core (>= 4.3.9 < 4.4)
      FShade.GLSL (>= 4.3.9)
      FSharp.Core (>= 4.6.2 < 4.7)
    Aardvark.SceneGraph.IO (4.10.3)
      Aardvark.Base.Incremental (>= 4.5.11 < 4.6)
      Aardvark.Base.Rendering (4.10.3)
      Aardvark.SceneGraph (4.10.3)
      FShade.Core (>= 4.3.9 < 4.4)
      FShade.GLSL (>= 4.3.9)
      FSharp.Core (>= 4.6.2 < 4.7)
      Unofficial.AssimpNet (>= 4.0.1 < 4.1)
    Aardvark.Service (4.5.14)
      Aardvark.Application (>= 4.10.2)
      Aardvark.Base (>= 4.5.8 < 4.6)
      Aardvark.Base.FSharp (>= 4.5.8 < 4.6)
      Aardvark.Base.Incremental (>= 4.5.8 < 4.6)
      Aardvark.Base.Rendering (>= 4.10.2 < 4.11)
      Aardvark.GPGPU (>= 4.10.2 < 4.11)
      Aardvark.Rendering.GL (>= 4.10.2)
      Aardvark.Rendering.Vulkan (>= 4.10.2 < 4.11)
      FSharp.Core (>= 4.6.2 < 4.7)
      FsPickler (>= 5.2.2 < 5.3)
      FsPickler.Json (>= 5.2.2 < 5.3)
      Suave (>= 2.2.1 < 2.3)
    Aardvark.UI (4.5.14)
      Aardvark.Application (>= 4.10.2)
      Aardvark.Base (>= 4.5.8 < 4.6)
      Aardvark.Base.FSharp (>= 4.5.8 < 4.6)
      Aardvark.Base.Incremental (>= 4.5.8 < 4.6)
      Aardvark.Base.Rendering (>= 4.10.2 < 4.11)
      Aardvark.Compiler.DomainTypes (>= 4.3 < 4.4)
      Aardvark.GPGPU (>= 4.10.2 < 4.11)
      Aardvark.Rendering.GL (>= 4.10.2)
      Aardvark.Rendering.Vulkan (>= 4.10.2 < 4.11)
      Aardvark.SceneGraph (>= 4.10.2 < 4.11)
      Aardvark.Service (4.5.14)
      FSharp.Core (>= 4.6.2 < 4.7)
      FsPickler (>= 5.2.2 < 5.3)
      FsPickler.Json (>= 5.2.2 < 5.3)
      Suave (>= 2.2.1 < 2.3)
    Aardvark.UI.Primitives (4.5.14)
      Aardvark.Application (>= 4.10.2)
      Aardvark.Base (>= 4.5.8 < 4.6)
      Aardvark.Base.FSharp (>= 4.5.8 < 4.6)
      Aardvark.Base.Incremental (>= 4.5.8 < 4.6)
      Aardvark.Base.Rendering (>= 4.10.2 < 4.11)
      Aardvark.Compiler.DomainTypes.MSBuild (>= 4.3 < 4.4)
      Aardvark.SceneGraph (>= 4.10.2 < 4.11)
      Aardvark.Service (4.5.14)
      Aardvark.UI (4.5.14)
      FSharp.Core (>= 4.6.2 < 4.7)
      FsPickler (>= 5.2.2 < 5.3)
      FsPickler.Json (>= 5.2.2 < 5.3)
    CommonMark.NET (0.15.1)
    DevILSharp (0.2.5)
      FSharp.Core (>= 4.6.2 < 4.7)
    FShade (4.3.9)
      FShade.Core (4.3.9)
      FShade.GLSL (4.3.9)
      FShade.Imperative (4.3.9)
      FShade.SpirV (4.3.9)
    FShade.Core (4.3.9)
      Aardvark.Base (>= 4.5.11 < 4.6)
      Aardvark.Base.FSharp (>= 4.5.11 < 4.6)
      FShade.Imperative (4.3.9)
      FSharp.Core (>= 4.6.2 < 4.7)
    FShade.GLSL (4.3.9)
      Aardvark.Base (>= 4.5.11 < 4.6)
      Aardvark.Base.FSharp (>= 4.5.11 < 4.6)
      FShade.Core (4.3.9)
      FShade.Imperative (4.3.9)
      FSharp.Core (>= 4.6.2 < 4.7)
    FShade.Imperative (4.3.9)
      Aardvark.Base (>= 4.5.11 < 4.6)
      Aardvark.Base.FSharp (>= 4.5.11 < 4.6)
      FSharp.Core (>= 4.6.2 < 4.7)
      FsPickler (>= 5.2.2 < 5.3)
    FShade.SpirV (4.3.9)
      Aardvark.Base (>= 4.5.11 < 4.6)
      Aardvark.Base.FSharp (>= 4.5.11 < 4.6)
      FShade.Core (4.3.9)
      FShade.Imperative (4.3.9)
      FSharp.Core (>= 4.6.2 < 4.7)
    FSharp.Core (4.6.2)
    FsPickler (5.2.2)
      FSharp.Core (>= 3.1.2) - restriction: || (== net471) (&& (== netcoreapp2.0) (>= net45)) (&& (== netstandard2.0) (>= net45))
      FSharp.Core (>= 4.3.2) - restriction: || (&& (== net471) (< net45)) (== netcoreapp2.0) (== netstandard2.0)
      System.Reflection.Emit.Lightweight (>= 4.3) - restriction: || (&& (== net471) (< net45)) (== netcoreapp2.0) (== netstandard2.0)
    FsPickler.Json (5.2.2)
      FSharp.Core (>= 3.1.2) - restriction: || (== net471) (&& (== netcoreapp2.0) (>= net45)) (&& (== netstandard2.0) (>= net45))
      FSharp.Core (>= 4.3.2) - restriction: || (&& (== net471) (< net45)) (== netcoreapp2.0) (== netstandard2.0)
      Newtonsoft.Json (>= 6.0.5) - restriction: || (== net471) (&& (== netcoreapp2.0) (>= net45)) (&& (== netstandard2.0) (>= net45))
      Newtonsoft.Json (>= 10.0.1) - restriction: || (&& (== net471) (< net45)) (== netcoreapp2.0) (== netstandard2.0)
      SourceLink.Embed.PaketFiles
    GLSLangSharp (0.4.4)
      Aardvark.Base (>= 4.5.8)
      Aardvark.Base.FSharp (>= 4.5.8)
      FSharp.Core (>= 4.6.2 < 4.7)
    Microsoft.NETCore.Platforms (2.2.2)
    Microsoft.NETCore.Targets (2.1) - restriction: || (&& (== net471) (>= dnxcore50)) (&& (== net471) (< net45)) (== netcoreapp2.0) (== netstandard2.0)
    Microsoft.Win32.Primitives (4.3) - restriction: || (&& (== net471) (< net46)) (== netcoreapp2.0) (== netstandard2.0)
      Microsoft.NETCore.Platforms (>= 1.1) - restriction: || (&& (== net471) (< net46)) (== netcoreapp2.0) (== netstandard2.0)
      Microsoft.NETCore.Targets (>= 1.1) - restriction: || (&& (== net471) (< net46)) (== netcoreapp2.0) (== netstandard2.0)
      System.Runtime (>= 4.3) - restriction: || (&& (== net471) (< net46)) (== netcoreapp2.0) (== netstandard2.0)
    Microsoft.Win32.Registry (4.5) - restriction: || (&& (== net471) (< net46)) (== netcoreapp2.0) (== netstandard2.0)
      System.Buffers (>= 4.4) - restriction: || (&& (== net471) (>= monoandroid) (< netstandard2.0)) (&& (== net471) (>= monotouch)) (&& (== net471) (< net46)) (&& (== net471) (>= xamarinios)) (&& (== net471) (>= xamarinmac)) (&& (== net471) (>= xamarintvos)) (&& (== net471) (>= xamarinwatchos)) (&& (== netcoreapp2.0) (>= monoandroid) (< netstandard2.0)) (&& (== netcoreapp2.0) (>= monotouch)) (&& (== netcoreapp2.0) (>= xamarinios)) (&& (== netcoreapp2.0) (>= xamarinmac)) (&& (== netcoreapp2.0) (>= xamarintvos)) (&& (== netcoreapp2.0) (>= xamarinwatchos)) (== netstandard2.0)
      System.Memory (>= 4.5) - restriction: || (&& (== net471) (< net46)) (&& (== net471) (>= netcoreapp2.0)) (&& (== net471) (>= uap10.1)) (== netcoreapp2.0) (== netstandard2.0)
      System.Security.AccessControl (>= 4.5)
      System.Security.Principal.Windows (>= 4.5)
    NETStandard.Library (2.0.3)
      Microsoft.NETCore.Platforms (>= 1.1)
    Newtonsoft.Json (12.0.2)
    runtime.debian.8-x64.runtime.native.System.Security.Cryptography.OpenSsl (4.3.3) - restriction: || (&& (== net471) (< net46)) (== netcoreapp2.0) (== netstandard2.0)
    runtime.debian.9-x64.runtime.native.System.Security.Cryptography.OpenSsl (4.3.3) - restriction: || (&& (== net471) (< net46)) (== netcoreapp2.0) (== netstandard2.0)
    runtime.fedora.23-x64.runtime.native.System.Security.Cryptography.OpenSsl (4.3.3) - restriction: || (&& (== net471) (< net46)) (== netcoreapp2.0) (== netstandard2.0)
    runtime.fedora.24-x64.runtime.native.System.Security.Cryptography.OpenSsl (4.3.3) - restriction: || (&& (== net471) (< net46)) (== netcoreapp2.0) (== netstandard2.0)
    runtime.fedora.27-x64.runtime.native.System.Security.Cryptography.OpenSsl (4.3.3) - restriction: || (&& (== net471) (< net46)) (== netcoreapp2.0) (== netstandard2.0)
    runtime.fedora.28-x64.runtime.native.System.Security.Cryptography.OpenSsl (4.3.3) - restriction: || (&& (== net471) (< net46)) (== netcoreapp2.0) (== netstandard2.0)
    runtime.native.System (4.3.1) - restriction: || (&& (== net471) (< net46)) (== netcoreapp2.0) (== netstandard2.0)
      Microsoft.NETCore.Platforms (>= 1.1.1)
      Microsoft.NETCore.Targets (>= 1.1.3)
    runtime.native.System.Net.Http (4.3.1) - restriction: || (&& (== net471) (< net46)) (== netcoreapp2.0) (== netstandard2.0)
      Microsoft.NETCore.Platforms (>= 1.1.1)
      Microsoft.NETCore.Targets (>= 1.1.3)
    runtime.native.System.Net.Security (4.3.1) - restriction: || (&& (== net471) (< net46)) (== netcoreapp2.0) (== netstandard2.0)
      Microsoft.NETCore.Platforms (>= 1.1.1)
      Microsoft.NETCore.Targets (>= 1.1.3)
    runtime.native.System.Security.Cryptography.Apple (4.3.1) - restriction: || (&& (== net471) (< net46)) (== netcoreapp2.0) (== netstandard2.0)
      runtime.osx.10.10-x64.runtime.native.System.Security.Cryptography.Apple (>= 4.3.1)
    runtime.native.System.Security.Cryptography.OpenSsl (4.3.3) - restriction: || (&& (== net471) (< net46)) (== netcoreapp2.0) (== netstandard2.0)
      runtime.debian.8-x64.runtime.native.System.Security.Cryptography.OpenSsl (>= 4.3.3)
      runtime.debian.9-x64.runtime.native.System.Security.Cryptography.OpenSsl (>= 4.3.3)
      runtime.fedora.23-x64.runtime.native.System.Security.Cryptography.OpenSsl (>= 4.3.3)
      runtime.fedora.24-x64.runtime.native.System.Security.Cryptography.OpenSsl (>= 4.3.3)
      runtime.fedora.27-x64.runtime.native.System.Security.Cryptography.OpenSsl (>= 4.3.3)
      runtime.fedora.28-x64.runtime.native.System.Security.Cryptography.OpenSsl (>= 4.3.3)
      runtime.opensuse.13.2-x64.runtime.native.System.Security.Cryptography.OpenSsl (>= 4.3.3)
      runtime.opensuse.42.1-x64.runtime.native.System.Security.Cryptography.OpenSsl (>= 4.3.3)
      runtime.opensuse.42.3-x64.runtime.native.System.Security.Cryptography.OpenSsl (>= 4.3.3)
      runtime.osx.10.10-x64.runtime.native.System.Security.Cryptography.OpenSsl (>= 4.3.3)
      runtime.rhel.7-x64.runtime.native.System.Security.Cryptography.OpenSsl (>= 4.3.3)
      runtime.ubuntu.14.04-x64.runtime.native.System.Security.Cryptography.OpenSsl (>= 4.3.3)
      runtime.ubuntu.16.04-x64.runtime.native.System.Security.Cryptography.OpenSsl (>= 4.3.3)
      runtime.ubuntu.16.10-x64.runtime.native.System.Security.Cryptography.OpenSsl (>= 4.3.3)
      runtime.ubuntu.18.04-x64.runtime.native.System.Security.Cryptography.OpenSsl (>= 4.3.3)
    runtime.opensuse.13.2-x64.runtime.native.System.Security.Cryptography.OpenSsl (4.3.3) - restriction: || (&& (== net471) (< net46)) (== netcoreapp2.0) (== netstandard2.0)
    runtime.opensuse.42.1-x64.runtime.native.System.Security.Cryptography.OpenSsl (4.3.3) - restriction: || (&& (== net471) (< net46)) (== netcoreapp2.0) (== netstandard2.0)
    runtime.opensuse.42.3-x64.runtime.native.System.Security.Cryptography.OpenSsl (4.3.3) - restriction: || (&& (== net471) (< net46)) (== netcoreapp2.0) (== netstandard2.0)
    runtime.osx.10.10-x64.runtime.native.System.Security.Cryptography.Apple (4.3.1) - restriction: || (&& (== net471) (< net46)) (== netcoreapp2.0) (== netstandard2.0)
    runtime.osx.10.10-x64.runtime.native.System.Security.Cryptography.OpenSsl (4.3.3) - restriction: || (&& (== net471) (< net46)) (== netcoreapp2.0) (== netstandard2.0)
    runtime.rhel.7-x64.runtime.native.System.Security.Cryptography.OpenSsl (4.3.3) - restriction: || (&& (== net471) (< net46)) (== netcoreapp2.0) (== netstandard2.0)
    runtime.ubuntu.14.04-x64.runtime.native.System.Security.Cryptography.OpenSsl (4.3.3) - restriction: || (&& (== net471) (< net46)) (== netcoreapp2.0) (== netstandard2.0)
    runtime.ubuntu.16.04-x64.runtime.native.System.Security.Cryptography.OpenSsl (4.3.3) - restriction: || (&& (== net471) (< net46)) (== netcoreapp2.0) (== netstandard2.0)
    runtime.ubuntu.16.10-x64.runtime.native.System.Security.Cryptography.OpenSsl (4.3.3) - restriction: || (&& (== net471) (< net46)) (== netcoreapp2.0) (== netstandard2.0)
    runtime.ubuntu.18.04-x64.runtime.native.System.Security.Cryptography.OpenSsl (4.3.3) - restriction: || (&& (== net471) (< net46)) (== netcoreapp2.0) (== netstandard2.0)
    SourceLink.Embed.PaketFiles (2.8.3)
    Suave (2.2.1)
      FSharp.Core (>= 4.1.17)
      NETStandard.Library (>= 1.6.1)
      System.Data.Common (>= 4.1)
      System.Diagnostics.Process (>= 4.1)
      System.Globalization.Extensions (>= 4.3)
      System.Net.Security (>= 4.0)
      System.Runtime.Serialization.Json (>= 4.0.2)
      System.Security.Claims (>= 4.0.1)
      System.Security.Cryptography.Primitives (>= 4.3)
    System.Buffers (4.5) - restriction: || (&& (== net471) (== netcoreapp2.0)) (&& (== net471) (>= monoandroid) (< netstandard2.0)) (&& (== net471) (>= monotouch)) (&& (== net471) (< net46)) (&& (== net471) (>= xamarinios)) (&& (== net471) (>= xamarinmac)) (&& (== net471) (>= xamarintvos)) (&& (== net471) (>= xamarinwatchos)) (&& (== netcoreapp2.0) (>= monoandroid) (< netstandard2.0)) (&& (== netcoreapp2.0) (>= monotouch)) (&& (== netcoreapp2.0) (>= xamarinios)) (&& (== netcoreapp2.0) (>= xamarinmac)) (&& (== netcoreapp2.0) (>= xamarintvos)) (&& (== netcoreapp2.0) (>= xamarinwatchos)) (== netstandard2.0)
    System.Collections (4.3) - restriction: || (&& (== net471) (>= dnxcore50)) (&& (== net471) (< net45)) (&& (== net471) (< portable-net45+win8+wp8+wpa81)) (== netcoreapp2.0) (== netstandard2.0)
      Microsoft.NETCore.Platforms (>= 1.1) - restriction: || (&& (== net471) (>= dnxcore50)) (&& (== net471) (< net45)) (== netcoreapp2.0) (== netstandard2.0)
      Microsoft.NETCore.Targets (>= 1.1) - restriction: || (&& (== net471) (>= dnxcore50)) (&& (== net471) (< net45)) (== netcoreapp2.0) (== netstandard2.0)
      System.Runtime (>= 4.3) - restriction: || (&& (== net471) (>= dnxcore50)) (&& (== net471) (< net45)) (== netcoreapp2.0) (== netstandard2.0)
    System.Collections.Concurrent (4.3) - restriction: || (&& (== net471) (< net46)) (== netcoreapp2.0) (== netstandard2.0)
      System.Collections (>= 4.3) - restriction: || (&& (== net471) (>= dnxcore50)) (&& (== net471) (< net45)) (== netcoreapp2.0) (== netstandard2.0)
      System.Diagnostics.Debug (>= 4.3) - restriction: || (&& (== net471) (>= dnxcore50)) (&& (== net471) (< net45)) (== netcoreapp2.0) (== netstandard2.0)
      System.Diagnostics.Tracing (>= 4.3) - restriction: || (&& (== net471) (>= dnxcore50)) (&& (== net471) (< net45)) (== netcoreapp2.0) (== netstandard2.0)
      System.Globalization (>= 4.3) - restriction: || (&& (== net471) (>= dnxcore50)) (&& (== net471) (< net45)) (== netcoreapp2.0) (== netstandard2.0)
      System.Reflection (>= 4.3) - restriction: || (&& (== net471) (< net45)) (== netcoreapp2.0) (== netstandard2.0)
      System.Resources.ResourceManager (>= 4.3) - restriction: || (&& (== net471) (>= dnxcore50)) (&& (== net471) (< net45)) (== netcoreapp2.0) (== netstandard2.0)
      System.Runtime (>= 4.3) - restriction: || (&& (== net471) (>= dnxcore50)) (&& (== net471) (< net45)) (== netcoreapp2.0) (== netstandard2.0)
      System.Runtime.Extensions (>= 4.3) - restriction: || (&& (== net471) (>= dnxcore50)) (&& (== net471) (< net45)) (== netcoreapp2.0) (== netstandard2.0)
      System.Threading (>= 4.3) - restriction: || (&& (== net471) (>= dnxcore50)) (&& (== net471) (< net45)) (== netcoreapp2.0) (== netstandard2.0)
      System.Threading.Tasks (>= 4.3) - restriction: || (&& (== net471) (>= dnxcore50)) (&& (== net471) (< net45)) (== netcoreapp2.0) (== netstandard2.0)
    System.Collections.Immutable (1.5)
    System.Data.Common (4.3)
      System.Collections (>= 4.3) - restriction: || (&& (== net471) (< net451)) (== netcoreapp2.0) (== netstandard2.0)
      System.Globalization (>= 4.3) - restriction: || (&& (== net471) (< net451)) (== netcoreapp2.0) (== netstandard2.0)
      System.IO (>= 4.3) - restriction: || (&& (== net471) (< net451)) (== netcoreapp2.0) (== netstandard2.0)
      System.Resources.ResourceManager (>= 4.3) - restriction: || (&& (== net471) (< net451)) (== netcoreapp2.0) (== netstandard2.0)
      System.Runtime (>= 4.3) - restriction: || (&& (== net471) (< net451)) (== netcoreapp2.0) (== netstandard2.0)
      System.Runtime.Extensions (>= 4.3) - restriction: || (&& (== net471) (< net451)) (== netcoreapp2.0) (== netstandard2.0)
      System.Text.RegularExpressions (>= 4.3) - restriction: || (&& (== net471) (< net451)) (== netcoreapp2.0) (== netstandard2.0)
      System.Threading.Tasks (>= 4.3) - restriction: || (&& (== net471) (< net451)) (== netcoreapp2.0) (== netstandard2.0)
    System.Diagnostics.Debug (4.3) - restriction: || (&& (== net471) (>= dnxcore50)) (&& (== net471) (< net45)) (== netcoreapp2.0) (== netstandard2.0)
      Microsoft.NETCore.Platforms (>= 1.1) - restriction: || (&& (== net471) (>= dnxcore50)) (&& (== net471) (< net45)) (== netcoreapp2.0) (== netstandard2.0)
      Microsoft.NETCore.Targets (>= 1.1) - restriction: || (&& (== net471) (>= dnxcore50)) (&& (== net471) (< net45)) (== netcoreapp2.0) (== netstandard2.0)
      System.Runtime (>= 4.3) - restriction: || (&& (== net471) (>= dnxcore50)) (&& (== net471) (< net45)) (== netcoreapp2.0) (== netstandard2.0)
    System.Diagnostics.Process (4.3)
      Microsoft.NETCore.Platforms (>= 1.1) - restriction: || (&& (== net471) (< net46)) (== netcoreapp2.0) (== netstandard2.0)
      Microsoft.Win32.Primitives (>= 4.3) - restriction: || (&& (== net471) (< net46)) (== netcoreapp2.0) (== netstandard2.0)
      Microsoft.Win32.Registry (>= 4.3) - restriction: || (&& (== net471) (< net46)) (== netcoreapp2.0) (== netstandard2.0)
      runtime.native.System (>= 4.3) - restriction: || (&& (== net471) (< net46)) (== netcoreapp2.0) (== netstandard2.0)
      System.Collections (>= 4.3) - restriction: || (&& (== net471) (< net46)) (== netcoreapp2.0) (== netstandard2.0)
      System.Diagnostics.Debug (>= 4.3) - restriction: || (&& (== net471) (< net46)) (== netcoreapp2.0) (== netstandard2.0)
      System.Globalization (>= 4.3) - restriction: || (&& (== net471) (< net46)) (== netcoreapp2.0) (== netstandard2.0)
      System.IO (>= 4.3) - restriction: || (&& (== net471) (< net46)) (== netcoreapp2.0) (== netstandard2.0)
      System.IO.FileSystem (>= 4.3) - restriction: || (&& (== net471) (< net46)) (== netcoreapp2.0) (== netstandard2.0)
      System.IO.FileSystem.Primitives (>= 4.3) - restriction: || (&& (== net471) (< net46)) (== netcoreapp2.0) (== netstandard2.0)
      System.Resources.ResourceManager (>= 4.3) - restriction: || (&& (== net471) (< net46)) (== netcoreapp2.0) (== netstandard2.0)
      System.Runtime (>= 4.3) - restriction: || (&& (== net471) (< net46)) (== netcoreapp2.0) (== netstandard2.0)
      System.Runtime.Extensions (>= 4.3) - restriction: || (&& (== net471) (< net46)) (== netcoreapp2.0) (== netstandard2.0)
      System.Runtime.Handles (>= 4.3) - restriction: || (&& (== net471) (< net46)) (== netcoreapp2.0) (== netstandard2.0)
      System.Runtime.InteropServices (>= 4.3) - restriction: || (&& (== net471) (< net46)) (== netcoreapp2.0) (== netstandard2.0)
      System.Text.Encoding (>= 4.3) - restriction: || (&& (== net471) (< net46)) (== netcoreapp2.0) (== netstandard2.0)
      System.Text.Encoding.Extensions (>= 4.3) - restriction: || (&& (== net471) (< net46)) (== netcoreapp2.0) (== netstandard2.0)
      System.Threading (>= 4.3) - restriction: || (&& (== net471) (< net46)) (== netcoreapp2.0) (== netstandard2.0)
      System.Threading.Tasks (>= 4.3) - restriction: || (&& (== net471) (< net46)) (== netcoreapp2.0) (== netstandard2.0)
      System.Threading.Thread (>= 4.3) - restriction: || (&& (== net471) (< net46)) (== netcoreapp2.0) (== netstandard2.0)
      System.Threading.ThreadPool (>= 4.3) - restriction: || (&& (== net471) (< net46)) (== netcoreapp2.0) (== netstandard2.0)
    System.Diagnostics.Tools (4.3) - restriction: || (&& (== net471) (>= dnxcore50)) (&& (== net471) (< net45)) (== netcoreapp2.0) (== netstandard2.0)
      Microsoft.NETCore.Platforms (>= 1.1) - restriction: || (&& (== net471) (>= dnxcore50)) (&& (== net471) (< net45)) (== netcoreapp2.0) (== netstandard2.0)
      Microsoft.NETCore.Targets (>= 1.1) - restriction: || (&& (== net471) (>= dnxcore50)) (&& (== net471) (< net45)) (== netcoreapp2.0) (== netstandard2.0)
      System.Runtime (>= 4.3) - restriction: || (&& (== net471) (>= dnxcore50)) (&& (== net471) (< net45)) (== netcoreapp2.0) (== netstandard2.0)
    System.Diagnostics.Tracing (4.3) - restriction: || (&& (== net471) (< net46)) (== netcoreapp2.0) (== netstandard2.0)
      Microsoft.NETCore.Platforms (>= 1.1) - restriction: || (&& (== net471) (>= dnxcore50)) (&& (== net471) (< net45)) (== netcoreapp2.0) (== netstandard2.0)
      Microsoft.NETCore.Targets (>= 1.1) - restriction: || (&& (== net471) (>= dnxcore50)) (&& (== net471) (< net45)) (== netcoreapp2.0) (== netstandard2.0)
      System.Runtime (>= 4.3) - restriction: || (&& (== net471) (>= dnxcore50)) (&& (== net471) (< net45)) (== netcoreapp2.0) (== netstandard2.0)
    System.Dynamic.Runtime (4.3)
      System.Collections (>= 4.3) - restriction: || (&& (== net471) (>= dnxcore50)) (&& (== net471) (< net45)) (== netcoreapp2.0) (== netstandard2.0)
      System.Diagnostics.Debug (>= 4.3) - restriction: || (&& (== net471) (>= dnxcore50)) (&& (== net471) (< net45)) (== netcoreapp2.0) (== netstandard2.0)
      System.Linq (>= 4.3) - restriction: || (&& (== net471) (>= dnxcore50)) (&& (== net471) (< net45)) (== netcoreapp2.0) (== netstandard2.0)
      System.Linq.Expressions (>= 4.3) - restriction: || (&& (== net471) (>= dnxcore50)) (&& (== net471) (< net45)) (== netcoreapp2.0) (== netstandard2.0)
      System.ObjectModel (>= 4.3) - restriction: || (&& (== net471) (>= dnxcore50)) (&& (== net471) (< net45)) (== netcoreapp2.0) (== netstandard2.0)
      System.Reflection (>= 4.3) - restriction: || (&& (== net471) (>= dnxcore50)) (&& (== net471) (< net45)) (== netcoreapp2.0) (== netstandard2.0)
      System.Reflection.Emit (>= 4.3) - restriction: || (&& (== net471) (< net45)) (== netcoreapp2.0) (== netstandard2.0)
      System.Reflection.Emit.ILGeneration (>= 4.3) - restriction: || (&& (== net471) (< net45)) (== netcoreapp2.0) (== netstandard2.0)
      System.Reflection.Primitives (>= 4.3) - restriction: || (&& (== net471) (< net45)) (== netcoreapp2.0) (== netstandard2.0)
      System.Reflection.TypeExtensions (>= 4.3) - restriction: || (&& (== net471) (>= dnxcore50)) (&& (== net471) (< net45)) (== netcoreapp2.0) (== netstandard2.0)
      System.Resources.ResourceManager (>= 4.3) - restriction: || (&& (== net471) (>= dnxcore50)) (&& (== net471) (< net45)) (== netcoreapp2.0) (== netstandard2.0)
      System.Runtime (>= 4.3) - restriction: || (&& (== net471) (>= dnxcore50)) (&& (== net471) (< net45)) (== netcoreapp2.0) (== netstandard2.0)
      System.Runtime.Extensions (>= 4.3) - restriction: || (&& (== net471) (>= dnxcore50)) (&& (== net471) (< net45)) (== netcoreapp2.0) (== netstandard2.0)
      System.Threading (>= 4.3) - restriction: || (&& (== net471) (>= dnxcore50)) (&& (== net471) (< net45)) (== netcoreapp2.0) (== netstandard2.0)
    System.Globalization (4.3) - restriction: || (&& (== net471) (< net45)) (&& (== net471) (< net46)) (&& (== net471) (< portable-net45+win8+wp8+wpa81)) (== netcoreapp2.0) (== netstandard2.0)
      Microsoft.NETCore.Platforms (>= 1.1) - restriction: || (&& (== net471) (>= dnxcore50)) (&& (== net471) (< net45)) (== netcoreapp2.0) (== netstandard2.0)
      Microsoft.NETCore.Targets (>= 1.1) - restriction: || (&& (== net471) (>= dnxcore50)) (&& (== net471) (< net45)) (== netcoreapp2.0) (== netstandard2.0)
      System.Runtime (>= 4.3) - restriction: || (&& (== net471) (>= dnxcore50)) (&& (== net471) (< net45)) (== netcoreapp2.0) (== netstandard2.0)
    System.Globalization.Calendars (4.3) - restriction: || (&& (== net471) (>= dnxcore50)) (&& (== net471) (< net46)) (== netcoreapp2.0) (== netstandard2.0)
      Microsoft.NETCore.Platforms (>= 1.1) - restriction: || (&& (== net471) (< net46)) (== netcoreapp2.0) (== netstandard2.0)
      Microsoft.NETCore.Targets (>= 1.1) - restriction: || (&& (== net471) (< net46)) (== netcoreapp2.0) (== netstandard2.0)
      System.Globalization (>= 4.3) - restriction: || (&& (== net471) (< net46)) (== netcoreapp2.0) (== netstandard2.0)
      System.Runtime (>= 4.3) - restriction: || (&& (== net471) (< net46)) (== netcoreapp2.0) (== netstandard2.0)
    System.Globalization.Extensions (4.3)
      Microsoft.NETCore.Platforms (>= 1.1) - restriction: || (&& (== net471) (< net46)) (== netcoreapp2.0) (== netstandard2.0)
      System.Globalization (>= 4.3) - restriction: || (&& (== net471) (< net46)) (== netcoreapp2.0) (== netstandard2.0)
      System.Resources.ResourceManager (>= 4.3) - restriction: || (&& (== net471) (< net46)) (== netcoreapp2.0) (== netstandard2.0)
      System.Runtime (>= 4.3) - restriction: || (&& (== net471) (< net46)) (== netcoreapp2.0) (== netstandard2.0)
      System.Runtime.Extensions (>= 4.3) - restriction: || (&& (== net471) (< net46)) (== netcoreapp2.0) (== netstandard2.0)
      System.Runtime.InteropServices (>= 4.3) - restriction: || (&& (== net471) (< net46)) (== netcoreapp2.0) (== netstandard2.0)
    System.IO (4.3) - restriction: || (&& (== net471) (< net46)) (== netcoreapp2.0) (== netstandard2.0)
      Microsoft.NETCore.Platforms (>= 1.1) - restriction: || (&& (== net471) (>= dnxcore50)) (&& (== net471) (< net45)) (== netcoreapp2.0) (== netstandard2.0)
      Microsoft.NETCore.Targets (>= 1.1) - restriction: || (&& (== net471) (>= dnxcore50)) (&& (== net471) (< net45)) (== netcoreapp2.0) (== netstandard2.0)
      System.Runtime (>= 4.3) - restriction: || (&& (== net471) (>= dnxcore50)) (&& (== net471) (< net45)) (== netcoreapp2.0) (== netstandard2.0)
      System.Text.Encoding (>= 4.3) - restriction: || (&& (== net471) (>= dnxcore50)) (&& (== net471) (< net45)) (== netcoreapp2.0) (== netstandard2.0)
      System.Threading.Tasks (>= 4.3) - restriction: || (&& (== net471) (>= dnxcore50)) (&& (== net471) (< net45)) (== netcoreapp2.0) (== netstandard2.0)
    System.IO.FileSystem (4.3) - restriction: || (&& (== net471) (< net46)) (== netcoreapp2.0) (== netstandard2.0)
      Microsoft.NETCore.Platforms (>= 1.1) - restriction: || (&& (== net471) (< net46)) (== netcoreapp2.0) (== netstandard2.0)
      Microsoft.NETCore.Targets (>= 1.1) - restriction: || (&& (== net471) (< net46)) (== netcoreapp2.0) (== netstandard2.0)
      System.IO (>= 4.3) - restriction: || (&& (== net471) (< net46)) (== netcoreapp2.0) (== netstandard2.0)
      System.IO.FileSystem.Primitives (>= 4.3)
      System.Runtime (>= 4.3) - restriction: || (&& (== net471) (< net46)) (== netcoreapp2.0) (== netstandard2.0)
      System.Runtime.Handles (>= 4.3) - restriction: || (&& (== net471) (< net46)) (== netcoreapp2.0) (== netstandard2.0)
      System.Text.Encoding (>= 4.3) - restriction: || (&& (== net471) (< net46)) (== netcoreapp2.0) (== netstandard2.0)
      System.Threading.Tasks (>= 4.3) - restriction: || (&& (== net471) (< net46)) (== netcoreapp2.0) (== netstandard2.0)
    System.IO.FileSystem.Primitives (4.3) - restriction: || (&& (== net471) (< net46)) (== netcoreapp2.0) (== netstandard2.0)
      System.Runtime (>= 4.3) - restriction: || (&& (== net471) (< net46)) (== netcoreapp2.0) (== netstandard2.0)
    System.Linq (4.3) - restriction: || (&& (== net471) (>= dnxcore50)) (&& (== net471) (< net45)) (== netcoreapp2.0) (== netstandard2.0)
      System.Collections (>= 4.3) - restriction: || (&& (== net471) (>= dnxcore50)) (&& (== net471) (< net45)) (== netcoreapp2.0) (== netstandard2.0)
      System.Diagnostics.Debug (>= 4.3) - restriction: || (&& (== net471) (>= dnxcore50)) (&& (== net471) (< net45)) (== netcoreapp2.0) (== netstandard2.0)
      System.Resources.ResourceManager (>= 4.3) - restriction: || (&& (== net471) (>= dnxcore50)) (&& (== net471) (< net45)) (== netcoreapp2.0) (== netstandard2.0)
      System.Runtime (>= 4.3) - restriction: || (&& (== net471) (>= dnxcore50)) (&& (== net471) (< net45)) (== netcoreapp2.0) (== netstandard2.0)
      System.Runtime.Extensions (>= 4.3) - restriction: || (&& (== net471) (>= dnxcore50)) (&& (== net471) (< net45)) (== netcoreapp2.0) (== netstandard2.0)
    System.Linq.Expressions (4.3) - restriction: || (&& (== net471) (>= dnxcore50)) (&& (== net471) (< net45)) (== netcoreapp2.0) (== netstandard2.0)
      System.Collections (>= 4.3) - restriction: || (&& (== net471) (>= dnxcore50)) (&& (== net471) (< net45)) (== netcoreapp2.0) (== netstandard2.0)
      System.Diagnostics.Debug (>= 4.3) - restriction: || (&& (== net471) (>= dnxcore50)) (&& (== net471) (< net45)) (== netcoreapp2.0) (== netstandard2.0)
      System.Globalization (>= 4.3) - restriction: || (&& (== net471) (>= dnxcore50)) (&& (== net471) (< net45)) (== netcoreapp2.0) (== netstandard2.0)
      System.IO (>= 4.3) - restriction: || (&& (== net471) (>= dnxcore50)) (&& (== net471) (< net45)) (== netcoreapp2.0) (== netstandard2.0)
      System.Linq (>= 4.3) - restriction: || (&& (== net471) (>= dnxcore50)) (&& (== net471) (< net45)) (== netcoreapp2.0) (== netstandard2.0)
      System.ObjectModel (>= 4.3) - restriction: || (&& (== net471) (< net45)) (== netcoreapp2.0) (== netstandard2.0)
      System.Reflection (>= 4.3) - restriction: || (&& (== net471) (>= dnxcore50)) (&& (== net471) (< net45)) (== netcoreapp2.0) (== netstandard2.0)
      System.Reflection.Emit (>= 4.3) - restriction: || (&& (== net471) (< net45)) (== netcoreapp2.0) (== netstandard2.0)
      System.Reflection.Emit.ILGeneration (>= 4.3) - restriction: || (&& (== net471) (>= dnxcore50)) (&& (== net471) (< net45)) (== netcoreapp2.0) (== netstandard2.0)
      System.Reflection.Emit.Lightweight (>= 4.3) - restriction: || (&& (== net471) (>= dnxcore50)) (&& (== net471) (< net45)) (== netcoreapp2.0) (== netstandard2.0)
      System.Reflection.Extensions (>= 4.3) - restriction: || (&& (== net471) (>= dnxcore50)) (&& (== net471) (< net45)) (== netcoreapp2.0) (== netstandard2.0)
      System.Reflection.Primitives (>= 4.3) - restriction: || (&& (== net471) (>= dnxcore50)) (&& (== net471) (< net45)) (== netcoreapp2.0) (== netstandard2.0)
      System.Reflection.TypeExtensions (>= 4.3) - restriction: || (&& (== net471) (>= dnxcore50)) (&& (== net471) (< net45)) (== netcoreapp2.0) (== netstandard2.0)
      System.Resources.ResourceManager (>= 4.3) - restriction: || (&& (== net471) (>= dnxcore50)) (&& (== net471) (< net45)) (== netcoreapp2.0) (== netstandard2.0)
      System.Runtime (>= 4.3) - restriction: || (&& (== net471) (>= dnxcore50)) (&& (== net471) (< net45)) (== netcoreapp2.0) (== netstandard2.0)
      System.Runtime.Extensions (>= 4.3) - restriction: || (&& (== net471) (>= dnxcore50)) (&& (== net471) (< net45)) (== netcoreapp2.0) (== netstandard2.0)
      System.Threading (>= 4.3) - restriction: || (&& (== net471) (>= dnxcore50)) (&& (== net471) (< net45)) (== netcoreapp2.0) (== netstandard2.0)
    System.Memory (4.5.3) - restriction: || (&& (== net471) (< net46)) (&& (== net471) (>= netcoreapp2.0)) (&& (== net471) (>= uap10.1)) (== netcoreapp2.0) (== netstandard2.0)
      System.Buffers (>= 4.4) - restriction: || (== net471) (&& (== netcoreapp2.0) (>= monotouch)) (&& (== netcoreapp2.0) (>= net461)) (&& (== netcoreapp2.0) (< netstandard1.1)) (&& (== netcoreapp2.0) (< netstandard2.0)) (&& (== netcoreapp2.0) (>= xamarinios)) (&& (== netcoreapp2.0) (>= xamarinmac)) (&& (== netcoreapp2.0) (>= xamarintvos)) (&& (== netcoreapp2.0) (>= xamarinwatchos)) (== netstandard2.0)
      System.Numerics.Vectors (>= 4.4) - restriction: || (== net471) (&& (== netcoreapp2.0) (>= net461)) (== netstandard2.0)
      System.Runtime.CompilerServices.Unsafe (>= 4.5.2)
    System.Net.Primitives (4.3.1) - restriction: || (&& (== net471) (< net46)) (== netcoreapp2.0) (== netstandard2.0)
      Microsoft.NETCore.Platforms (>= 1.1.1) - restriction: || (&& (== net471) (< net45)) (&& (== net471) (< netstandard1.1)) (&& (== net471) (< portable-net45+win8+wp8+wpa81)) (== netcoreapp2.0) (== netstandard2.0)
      Microsoft.NETCore.Targets (>= 1.1.3) - restriction: || (&& (== net471) (< net45)) (&& (== net471) (< netstandard1.1)) (&& (== net471) (< portable-net45+win8+wp8+wpa81)) (== netcoreapp2.0) (== netstandard2.0)
      System.Runtime (>= 4.3.1) - restriction: || (&& (== net471) (< net45)) (&& (== net471) (< netstandard1.1)) (&& (== net471) (< portable-net45+win8+wp8+wpa81)) (== netcoreapp2.0) (== netstandard2.0)
      System.Runtime.Handles (>= 4.3) - restriction: || (&& (== net471) (< net45)) (&& (== net471) (< portable-net45+win8+wp8+wpa81)) (== netcoreapp2.0) (== netstandard2.0)
    System.Net.Security (4.3.2)
      Microsoft.NETCore.Platforms (>= 1.1) - restriction: || (&& (== net471) (< net46)) (== netcoreapp2.0) (== netstandard2.0)
      Microsoft.Win32.Primitives (>= 4.3) - restriction: || (&& (== net471) (< net46)) (== netcoreapp2.0) (== netstandard2.0)
      runtime.native.System (>= 4.3) - restriction: || (&& (== net471) (< net46)) (== netcoreapp2.0) (== netstandard2.0)
      runtime.native.System.Net.Security (>= 4.3) - restriction: || (&& (== net471) (< net46)) (== netcoreapp2.0) (== netstandard2.0)
      runtime.native.System.Security.Cryptography.OpenSsl (>= 4.3.2) - restriction: || (&& (== net471) (< net46)) (== netcoreapp2.0) (== netstandard2.0)
      System.Collections (>= 4.3) - restriction: || (&& (== net471) (< net46)) (== netcoreapp2.0) (== netstandard2.0)
      System.Collections.Concurrent (>= 4.3) - restriction: || (&& (== net471) (< net46)) (== netcoreapp2.0) (== netstandard2.0)
      System.Diagnostics.Tracing (>= 4.3) - restriction: || (&& (== net471) (< net46)) (== netcoreapp2.0) (== netstandard2.0)
      System.Globalization (>= 4.3) - restriction: || (&& (== net471) (< net46)) (== netcoreapp2.0) (== netstandard2.0)
      System.Globalization.Extensions (>= 4.3) - restriction: || (&& (== net471) (< net46)) (== netcoreapp2.0) (== netstandard2.0)
      System.IO (>= 4.3) - restriction: || (&& (== net471) (< net46)) (== netcoreapp2.0) (== netstandard2.0)
      System.Net.Primitives (>= 4.3) - restriction: || (&& (== net471) (< net46)) (== netcoreapp2.0) (== netstandard2.0)
      System.Resources.ResourceManager (>= 4.3) - restriction: || (&& (== net471) (< net46)) (== netcoreapp2.0) (== netstandard2.0)
      System.Runtime (>= 4.3) - restriction: || (&& (== net471) (< net46)) (== netcoreapp2.0) (== netstandard2.0)
      System.Runtime.Extensions (>= 4.3) - restriction: || (&& (== net471) (< net46)) (== netcoreapp2.0) (== netstandard2.0)
      System.Runtime.Handles (>= 4.3) - restriction: || (&& (== net471) (< net46)) (== netcoreapp2.0) (== netstandard2.0)
      System.Runtime.InteropServices (>= 4.3) - restriction: || (&& (== net471) (< net46)) (== netcoreapp2.0) (== netstandard2.0)
      System.Security.Claims (>= 4.3) - restriction: || (&& (== net471) (< net46)) (== netcoreapp2.0) (== netstandard2.0)
      System.Security.Cryptography.Algorithms (>= 4.3) - restriction: || (&& (== net471) (< net46)) (== netcoreapp2.0) (== netstandard2.0)
      System.Security.Cryptography.Encoding (>= 4.3) - restriction: || (&& (== net471) (< net46)) (== netcoreapp2.0) (== netstandard2.0)
      System.Security.Cryptography.OpenSsl (>= 4.3) - restriction: || (&& (== net471) (< net46)) (== netcoreapp2.0) (== netstandard2.0)
      System.Security.Cryptography.Primitives (>= 4.3) - restriction: || (&& (== net471) (< net46)) (== netcoreapp2.0) (== netstandard2.0)
      System.Security.Cryptography.X509Certificates (>= 4.3)
      System.Security.Principal (>= 4.3) - restriction: || (&& (== net471) (< net46)) (== netcoreapp2.0) (== netstandard2.0)
      System.Text.Encoding (>= 4.3) - restriction: || (&& (== net471) (< net46)) (== netcoreapp2.0) (== netstandard2.0)
      System.Threading (>= 4.3) - restriction: || (&& (== net471) (< net46)) (== netcoreapp2.0) (== netstandard2.0)
      System.Threading.Tasks (>= 4.3) - restriction: || (&& (== net471) (< net46)) (== netcoreapp2.0) (== netstandard2.0)
      System.Threading.ThreadPool (>= 4.3) - restriction: || (&& (== net471) (< net46)) (== netcoreapp2.0) (== netstandard2.0)
    System.Numerics.Vectors (4.5) - restriction: || (&& (== net471) (== netcoreapp2.0)) (&& (== net471) (< net45)) (&& (== net471) (< net46)) (&& (== net471) (>= netcoreapp2.0)) (&& (== net471) (>= uap10.1)) (&& (== netcoreapp2.0) (>= net461)) (== netstandard2.0)
    System.ObjectModel (4.3) - restriction: || (&& (== net471) (>= dnxcore50)) (&& (== net471) (< net45)) (== netcoreapp2.0) (== netstandard2.0)
      System.Collections (>= 4.3) - restriction: || (&& (== net471) (>= dnxcore50)) (&& (== net471) (< net45)) (== netcoreapp2.0) (== netstandard2.0)
      System.Diagnostics.Debug (>= 4.3) - restriction: || (&& (== net471) (>= dnxcore50)) (&& (== net471) (< net45)) (== netcoreapp2.0) (== netstandard2.0)
      System.Resources.ResourceManager (>= 4.3) - restriction: || (&& (== net471) (>= dnxcore50)) (&& (== net471) (< net45)) (== netcoreapp2.0) (== netstandard2.0)
      System.Runtime (>= 4.3) - restriction: || (&& (== net471) (>= dnxcore50)) (&& (== net471) (< net45)) (== netcoreapp2.0) (== netstandard2.0)
      System.Threading (>= 4.3) - restriction: || (&& (== net471) (>= dnxcore50)) (&& (== net471) (< net45)) (== netcoreapp2.0) (== netstandard2.0)
    System.Private.DataContractSerialization (4.3) - restriction: || (&& (== net471) (>= dnxcore50)) (&& (== net471) (< net45)) (== netcoreapp2.0) (== netstandard2.0)
      System.Collections (>= 4.3) - restriction: || (&& (== net471) (>= dnxcore50)) (&& (== net471) (< net46)) (== netcoreapp2.0) (== netstandard2.0)
      System.Collections.Concurrent (>= 4.3) - restriction: || (&& (== net471) (>= dnxcore50)) (&& (== net471) (< net46)) (== netcoreapp2.0) (== netstandard2.0)
      System.Diagnostics.Debug (>= 4.3) - restriction: || (&& (== net471) (>= dnxcore50)) (&& (== net471) (< net46)) (== netcoreapp2.0) (== netstandard2.0)
      System.Globalization (>= 4.3) - restriction: || (&& (== net471) (>= dnxcore50)) (&& (== net471) (< net46)) (== netcoreapp2.0) (== netstandard2.0)
      System.IO (>= 4.3) - restriction: || (&& (== net471) (>= dnxcore50)) (&& (== net471) (< net46)) (== netcoreapp2.0) (== netstandard2.0)
      System.Linq (>= 4.3) - restriction: || (&& (== net471) (>= dnxcore50)) (&& (== net471) (< net46)) (== netcoreapp2.0) (== netstandard2.0)
      System.Reflection (>= 4.3) - restriction: || (&& (== net471) (>= dnxcore50)) (&& (== net471) (< net46)) (== netcoreapp2.0) (== netstandard2.0)
      System.Reflection.Emit.ILGeneration (>= 4.3) - restriction: || (&& (== net471) (< net46)) (== netcoreapp2.0) (== netstandard2.0)
      System.Reflection.Emit.Lightweight (>= 4.3) - restriction: || (&& (== net471) (< net46)) (== netcoreapp2.0) (== netstandard2.0)
      System.Reflection.Extensions (>= 4.3) - restriction: || (&& (== net471) (>= dnxcore50)) (&& (== net471) (< net46)) (== netcoreapp2.0) (== netstandard2.0)
      System.Reflection.Primitives (>= 4.3) - restriction: || (&& (== net471) (>= dnxcore50)) (&& (== net471) (< net46)) (== netcoreapp2.0) (== netstandard2.0)
      System.Reflection.TypeExtensions (>= 4.3)
      System.Resources.ResourceManager (>= 4.3) - restriction: || (&& (== net471) (>= dnxcore50)) (&& (== net471) (< net46)) (== netcoreapp2.0) (== netstandard2.0)
      System.Runtime (>= 4.3) - restriction: || (&& (== net471) (>= dnxcore50)) (&& (== net471) (< net46)) (== netcoreapp2.0) (== netstandard2.0)
      System.Runtime.Extensions (>= 4.3) - restriction: || (&& (== net471) (>= dnxcore50)) (&& (== net471) (< net46)) (== netcoreapp2.0) (== netstandard2.0)
      System.Runtime.Serialization.Primitives (>= 4.3)
      System.Text.Encoding (>= 4.3) - restriction: || (&& (== net471) (>= dnxcore50)) (&& (== net471) (< net46)) (== netcoreapp2.0) (== netstandard2.0)
      System.Text.Encoding.Extensions (>= 4.3) - restriction: || (&& (== net471) (>= dnxcore50)) (&& (== net471) (< net46)) (== netcoreapp2.0) (== netstandard2.0)
      System.Text.RegularExpressions (>= 4.3) - restriction: || (&& (== net471) (>= dnxcore50)) (&& (== net471) (< net46)) (== netcoreapp2.0) (== netstandard2.0)
      System.Threading (>= 4.3) - restriction: || (&& (== net471) (>= dnxcore50)) (&& (== net471) (< net46)) (== netcoreapp2.0) (== netstandard2.0)
      System.Threading.Tasks (>= 4.3) - restriction: || (&& (== net471) (>= dnxcore50)) (&& (== net471) (< net46)) (== netcoreapp2.0) (== netstandard2.0)
      System.Xml.ReaderWriter (>= 4.3) - restriction: || (&& (== net471) (>= dnxcore50)) (&& (== net471) (< net46)) (== netcoreapp2.0) (== netstandard2.0)
      System.Xml.XDocument (>= 4.3) - restriction: || (&& (== net471) (>= dnxcore50)) (&& (== net471) (< net46)) (== netcoreapp2.0) (== netstandard2.0)
      System.Xml.XmlDocument (>= 4.3)
      System.Xml.XmlSerializer (>= 4.3) - restriction: || (&& (== net471) (>= dnxcore50)) (&& (== net471) (< net46)) (== netcoreapp2.0) (== netstandard2.0)
    System.Reactive (4.1.6)
      System.Runtime.InteropServices.WindowsRuntime (>= 4.3) - restriction: || (&& (== net471) (< net46)) (== netcoreapp2.0) (== netstandard2.0)
      System.Threading.Tasks.Extensions (>= 4.5.2)
      System.ValueTuple (>= 4.5) - restriction: || (== net471) (&& (== netcoreapp2.0) (>= net46)) (&& (== netcoreapp2.0) (>= uap10.0)) (&& (== netstandard2.0) (>= net46)) (&& (== netstandard2.0) (>= uap10.0))
    System.Reflection (4.3) - restriction: || (&& (== net471) (>= dnxcore50)) (&& (== net471) (< net45)) (== netcoreapp2.0) (== netstandard2.0)
      Microsoft.NETCore.Platforms (>= 1.1) - restriction: || (&& (== net471) (>= dnxcore50)) (&& (== net471) (< net45)) (== netcoreapp2.0) (== netstandard2.0)
      Microsoft.NETCore.Targets (>= 1.1) - restriction: || (&& (== net471) (>= dnxcore50)) (&& (== net471) (< net45)) (== netcoreapp2.0) (== netstandard2.0)
      System.IO (>= 4.3) - restriction: || (&& (== net471) (>= dnxcore50)) (&& (== net471) (< net45)) (== netcoreapp2.0) (== netstandard2.0)
      System.Reflection.Primitives (>= 4.3) - restriction: || (&& (== net471) (>= dnxcore50)) (&& (== net471) (< net45)) (== netcoreapp2.0) (== netstandard2.0)
      System.Runtime (>= 4.3) - restriction: || (&& (== net471) (>= dnxcore50)) (&& (== net471) (< net45)) (== netcoreapp2.0) (== netstandard2.0)
    System.Reflection.Emit (4.3) - restriction: || (&& (== net471) (< net45)) (== netcoreapp2.0) (== netstandard2.0)
      System.IO (>= 4.3) - restriction: || (&& (== net471) (< net45)) (== netcoreapp2.0) (== netstandard2.0)
      System.Reflection (>= 4.3) - restriction: || (&& (== net471) (< net45)) (== netcoreapp2.0) (== netstandard2.0)
      System.Reflection.Emit.ILGeneration (>= 4.3) - restriction: || (&& (== net471) (< net45)) (== netcoreapp2.0) (== netstandard2.0)
      System.Reflection.Primitives (>= 4.3) - restriction: || (&& (== net471) (< net45)) (== netcoreapp2.0) (== netstandard2.0)
      System.Runtime (>= 4.3) - restriction: || (&& (== net471) (< net45)) (== netcoreapp2.0) (== netstandard2.0)
    System.Reflection.Emit.ILGeneration (4.3) - restriction: || (&& (== net471) (< net45)) (== netcoreapp2.0) (== netstandard2.0)
      System.Reflection (>= 4.3) - restriction: || (&& (== net471) (< net45)) (== netcoreapp2.0) (== netstandard2.0)
      System.Reflection.Primitives (>= 4.3) - restriction: || (&& (== net471) (< net45)) (== netcoreapp2.0) (== netstandard2.0)
      System.Runtime (>= 4.3) - restriction: || (&& (== net471) (< net45)) (== netcoreapp2.0) (== netstandard2.0)
    System.Reflection.Emit.Lightweight (4.3) - restriction: || (&& (== net471) (< net45)) (== netcoreapp2.0) (== netstandard2.0)
      System.Reflection (>= 4.3) - restriction: || (&& (== net471) (< net45)) (== netcoreapp2.0) (== netstandard2.0)
      System.Reflection.Emit.ILGeneration (>= 4.3) - restriction: || (&& (== net471) (< net45)) (== netcoreapp2.0) (== netstandard2.0)
      System.Reflection.Primitives (>= 4.3) - restriction: || (&& (== net471) (< net45)) (== netcoreapp2.0) (== netstandard2.0)
      System.Runtime (>= 4.3) - restriction: || (&& (== net471) (< net45)) (== netcoreapp2.0) (== netstandard2.0)
    System.Reflection.Extensions (4.3) - restriction: || (&& (== net471) (>= dnxcore50)) (&& (== net471) (< net45)) (== netcoreapp2.0) (== netstandard2.0)
      Microsoft.NETCore.Platforms (>= 1.1) - restriction: || (&& (== net471) (>= dnxcore50)) (&& (== net471) (< net45)) (== netcoreapp2.0) (== netstandard2.0)
      Microsoft.NETCore.Targets (>= 1.1) - restriction: || (&& (== net471) (>= dnxcore50)) (&& (== net471) (< net45)) (== netcoreapp2.0) (== netstandard2.0)
      System.Reflection (>= 4.3) - restriction: || (&& (== net471) (>= dnxcore50)) (&& (== net471) (< net45)) (== netcoreapp2.0) (== netstandard2.0)
      System.Runtime (>= 4.3) - restriction: || (&& (== net471) (>= dnxcore50)) (&& (== net471) (< net45)) (== netcoreapp2.0) (== netstandard2.0)
    System.Reflection.Primitives (4.3) - restriction: || (&& (== net471) (< net45)) (== netcoreapp2.0) (== netstandard2.0)
      Microsoft.NETCore.Platforms (>= 1.1) - restriction: || (&& (== net471) (>= dnxcore50)) (&& (== net471) (< net45)) (== netcoreapp2.0) (== netstandard2.0)
      Microsoft.NETCore.Targets (>= 1.1) - restriction: || (&& (== net471) (>= dnxcore50)) (&& (== net471) (< net45)) (== netcoreapp2.0) (== netstandard2.0)
      System.Runtime (>= 4.3) - restriction: || (&& (== net471) (>= dnxcore50)) (&& (== net471) (< net45)) (== netcoreapp2.0) (== netstandard2.0)
    System.Reflection.TypeExtensions (4.5.1) - restriction: || (&& (== net471) (>= dnxcore50)) (&& (== net471) (< net45)) (== netcoreapp2.0) (== netstandard2.0)
    System.Resources.ResourceManager (4.3) - restriction: || (&& (== net471) (>= dnxcore50)) (&& (== net471) (< net45)) (&& (== net471) (< portable-net45+win8+wp8+wpa81)) (== netcoreapp2.0) (== netstandard2.0)
      Microsoft.NETCore.Platforms (>= 1.1) - restriction: || (&& (== net471) (>= dnxcore50)) (&& (== net471) (< net45)) (== netcoreapp2.0) (== netstandard2.0)
      Microsoft.NETCore.Targets (>= 1.1) - restriction: || (&& (== net471) (>= dnxcore50)) (&& (== net471) (< net45)) (== netcoreapp2.0) (== netstandard2.0)
      System.Globalization (>= 4.3) - restriction: || (&& (== net471) (>= dnxcore50)) (&& (== net471) (< net45)) (== netcoreapp2.0) (== netstandard2.0)
      System.Reflection (>= 4.3) - restriction: || (&& (== net471) (>= dnxcore50)) (&& (== net471) (< net45)) (== netcoreapp2.0) (== netstandard2.0)
      System.Runtime (>= 4.3) - restriction: || (&& (== net471) (>= dnxcore50)) (&& (== net471) (< net45)) (== netcoreapp2.0) (== netstandard2.0)
    System.Runtime (4.3.1) - restriction: || (&& (== net471) (>= dnxcore50)) (&& (== net471) (< net45)) (== netcoreapp2.0) (== netstandard2.0)
      Microsoft.NETCore.Platforms (>= 1.1.1) - restriction: || (&& (== net471) (>= dnxcore50)) (&& (== net471) (< net45)) (== netcoreapp2.0) (== netstandard2.0)
      Microsoft.NETCore.Targets (>= 1.1.3) - restriction: || (&& (== net471) (>= dnxcore50)) (&& (== net471) (< net45)) (== netcoreapp2.0) (== netstandard2.0)
    System.Runtime.CompilerServices.Unsafe (4.5.2)
    System.Runtime.Extensions (4.3.1) - restriction: || (&& (== net471) (>= dnxcore50)) (&& (== net471) (< net45)) (&& (== net471) (< portable-net45+win8+wp8+wpa81)) (== netcoreapp2.0) (== netstandard2.0)
      Microsoft.NETCore.Platforms (>= 1.1.1) - restriction: || (&& (== net471) (>= dnxcore50)) (&& (== net471) (< net45)) (== netcoreapp2.0) (== netstandard2.0)
      Microsoft.NETCore.Targets (>= 1.1.3) - restriction: || (&& (== net471) (>= dnxcore50)) (&& (== net471) (< net45)) (== netcoreapp2.0) (== netstandard2.0)
      System.Runtime (>= 4.3.1) - restriction: || (&& (== net471) (>= dnxcore50)) (&& (== net471) (< net45)) (== netcoreapp2.0) (== netstandard2.0)
    System.Runtime.Handles (4.3) - restriction: || (&& (== net471) (< net46)) (== netcoreapp2.0) (== netstandard2.0)
      Microsoft.NETCore.Platforms (>= 1.1) - restriction: || (&& (== net471) (< net46)) (== netcoreapp2.0) (== netstandard2.0)
      Microsoft.NETCore.Targets (>= 1.1) - restriction: || (&& (== net471) (< net46)) (== netcoreapp2.0) (== netstandard2.0)
      System.Runtime (>= 4.3) - restriction: || (&& (== net471) (< net46)) (== netcoreapp2.0) (== netstandard2.0)
    System.Runtime.InteropServices (4.3) - restriction: || (&& (== net471) (< net46)) (== netcoreapp2.0) (== netstandard2.0)
      Microsoft.NETCore.Platforms (>= 1.1) - restriction: || (&& (== net471) (>= dnxcore50)) (&& (== net471) (< net45)) (&& (== net471) (>= netcoreapp1.1)) (== netcoreapp2.0) (== netstandard2.0)
      Microsoft.NETCore.Targets (>= 1.1) - restriction: || (&& (== net471) (>= dnxcore50)) (&& (== net471) (< net45)) (&& (== net471) (>= netcoreapp1.1)) (== netcoreapp2.0) (== netstandard2.0)
      System.Reflection (>= 4.3) - restriction: || (&& (== net471) (>= dnxcore50)) (&& (== net471) (< net45)) (&& (== net471) (>= netcoreapp1.1)) (== netcoreapp2.0) (== netstandard2.0)
      System.Reflection.Primitives (>= 4.3) - restriction: || (&& (== net471) (>= dnxcore50)) (&& (== net471) (< net45)) (&& (== net471) (>= netcoreapp1.1)) (== netcoreapp2.0) (== netstandard2.0)
      System.Runtime (>= 4.3)
      System.Runtime.Handles (>= 4.3) - restriction: || (&& (== net471) (>= dnxcore50)) (&& (== net471) (< net45)) (&& (== net471) (>= netcoreapp1.1)) (== netcoreapp2.0) (== netstandard2.0)
    System.Runtime.InteropServices.WindowsRuntime (4.3) - restriction: || (&& (== net471) (< net46)) (== netcoreapp2.0) (== netstandard2.0)
      System.Runtime (>= 4.3) - restriction: || (&& (== net471) (>= dnxcore50)) (&& (== net471) (< net45)) (== netcoreapp2.0) (== netstandard2.0)
    System.Runtime.Numerics (4.3) - restriction: || (&& (== net471) (< net46)) (== netcoreapp2.0) (== netstandard2.0)
      System.Globalization (>= 4.3) - restriction: || (&& (== net471) (>= dnxcore50)) (&& (== net471) (< net45)) (== netcoreapp2.0) (== netstandard2.0)
      System.Resources.ResourceManager (>= 4.3) - restriction: || (&& (== net471) (>= dnxcore50)) (&& (== net471) (< net45)) (== netcoreapp2.0) (== netstandard2.0)
      System.Runtime (>= 4.3) - restriction: || (&& (== net471) (>= dnxcore50)) (&& (== net471) (< net45)) (== netcoreapp2.0) (== netstandard2.0)
      System.Runtime.Extensions (>= 4.3) - restriction: || (&& (== net471) (>= dnxcore50)) (&& (== net471) (< net45)) (== netcoreapp2.0) (== netstandard2.0)
    System.Runtime.Serialization.Json (4.3)
      System.IO (>= 4.3) - restriction: || (&& (== net471) (>= dnxcore50)) (&& (== net471) (< net45)) (== netcoreapp2.0) (== netstandard2.0)
      System.Private.DataContractSerialization (>= 4.3) - restriction: || (&& (== net471) (>= dnxcore50)) (&& (== net471) (< net45)) (== netcoreapp2.0) (== netstandard2.0)
      System.Runtime (>= 4.3) - restriction: || (&& (== net471) (>= dnxcore50)) (&& (== net471) (< net45)) (== netcoreapp2.0) (== netstandard2.0)
    System.Runtime.Serialization.Primitives (4.3) - restriction: || (&& (== net471) (>= dnxcore50)) (&& (== net471) (< net45)) (== netcoreapp2.0) (== netstandard2.0)
      System.Resources.ResourceManager (>= 4.3) - restriction: || (&& (== net471) (>= dnxcore50)) (&& (== net471) (< net45)) (== netcoreapp2.0) (== netstandard2.0)
      System.Runtime (>= 4.3) - restriction: || (&& (== net471) (>= dnxcore50)) (&& (== net471) (< net45)) (== netcoreapp2.0) (== netstandard2.0)
    System.Security.AccessControl (4.5) - restriction: || (&& (== net471) (>= monoandroid) (< netstandard2.0)) (&& (== net471) (>= monotouch)) (&& (== net471) (< net46)) (&& (== net471) (>= netcoreapp2.0)) (&& (== net471) (>= xamarinios)) (&& (== net471) (>= xamarinmac)) (&& (== net471) (>= xamarintvos)) (&& (== net471) (>= xamarinwatchos)) (== netcoreapp2.0) (== netstandard2.0)
      Microsoft.NETCore.Platforms (>= 2.0) - restriction: || (&& (== net471) (>= netcoreapp2.0)) (== netcoreapp2.0) (&& (== netstandard2.0) (>= netcoreapp2.0))
      System.Security.Principal.Windows (>= 4.5)
    System.Security.Claims (4.3)
      System.Collections (>= 4.3) - restriction: || (&& (== net471) (< net46)) (== netcoreapp2.0) (== netstandard2.0)
      System.Globalization (>= 4.3) - restriction: || (&& (== net471) (< net46)) (== netcoreapp2.0) (== netstandard2.0)
      System.IO (>= 4.3) - restriction: || (&& (== net471) (< net46)) (== netcoreapp2.0) (== netstandard2.0)
      System.Resources.ResourceManager (>= 4.3) - restriction: || (&& (== net471) (< net46)) (== netcoreapp2.0) (== netstandard2.0)
      System.Runtime (>= 4.3) - restriction: || (&& (== net471) (< net46)) (== netcoreapp2.0) (== netstandard2.0)
      System.Runtime.Extensions (>= 4.3) - restriction: || (&& (== net471) (< net46)) (== netcoreapp2.0) (== netstandard2.0)
      System.Security.Principal (>= 4.3) - restriction: || (&& (== net471) (< net46)) (== netcoreapp2.0) (== netstandard2.0)
    System.Security.Cryptography.Algorithms (4.3.1)
      Microsoft.NETCore.Platforms (>= 1.1) - restriction: || (&& (== net471) (>= dnxcore50)) (&& (== net471) (< net46)) (== netcoreapp2.0) (== netstandard2.0)
      runtime.native.System.Security.Cryptography.Apple (>= 4.3.1) - restriction: || (&& (== net471) (< net46)) (== netcoreapp2.0) (== netstandard2.0)
      runtime.native.System.Security.Cryptography.OpenSsl (>= 4.3.2) - restriction: || (&& (== net471) (< net46)) (== netcoreapp2.0) (== netstandard2.0)
      System.Collections (>= 4.3) - restriction: || (&& (== net471) (< net46)) (== netcoreapp2.0) (== netstandard2.0)
      System.IO (>= 4.3)
      System.Resources.ResourceManager (>= 4.3) - restriction: || (&& (== net471) (>= dnxcore50)) (&& (== net471) (< net46)) (== netcoreapp2.0) (== netstandard2.0)
      System.Runtime (>= 4.3)
      System.Runtime.Extensions (>= 4.3) - restriction: || (&& (== net471) (>= dnxcore50)) (&& (== net471) (< net46)) (== netcoreapp2.0) (== netstandard2.0)
      System.Runtime.Handles (>= 4.3) - restriction: || (&& (== net471) (>= dnxcore50)) (&& (== net471) (< net46)) (== netcoreapp2.0) (== netstandard2.0)
      System.Runtime.InteropServices (>= 4.3) - restriction: || (&& (== net471) (>= dnxcore50)) (&& (== net471) (< net46)) (== netcoreapp2.0) (== netstandard2.0)
      System.Runtime.Numerics (>= 4.3) - restriction: || (&& (== net471) (< net46)) (== netcoreapp2.0) (== netstandard2.0)
      System.Security.Cryptography.Encoding (>= 4.3)
      System.Security.Cryptography.Primitives (>= 4.3)
      System.Text.Encoding (>= 4.3) - restriction: || (&& (== net471) (>= dnxcore50)) (&& (== net471) (< net46)) (== netcoreapp2.0) (== netstandard2.0)
    System.Security.Cryptography.Cng (4.5) - restriction: || (&& (== net471) (>= dnxcore50)) (&& (== net471) (< net46)) (== netcoreapp2.0) (== netstandard2.0)
      Microsoft.NETCore.Platforms (>= 2.0) - restriction: || (&& (== net471) (>= netcoreapp2.0)) (== netcoreapp2.0) (&& (== netstandard2.0) (>= netcoreapp2.0))
    System.Security.Cryptography.Csp (4.3) - restriction: || (&& (== net471) (< net46)) (== netcoreapp2.0) (== netstandard2.0)
      Microsoft.NETCore.Platforms (>= 1.1) - restriction: || (&& (== net471) (< net46)) (== netcoreapp2.0) (== netstandard2.0)
      System.IO (>= 4.3) - restriction: || (&& (== net471) (< net46)) (== netcoreapp2.0) (== netstandard2.0)
      System.Reflection (>= 4.3) - restriction: || (&& (== net471) (< net46)) (== netcoreapp2.0) (== netstandard2.0)
      System.Resources.ResourceManager (>= 4.3) - restriction: || (&& (== net471) (< net46)) (== netcoreapp2.0) (== netstandard2.0)
      System.Runtime (>= 4.3) - restriction: || (&& (== net471) (< net46)) (== netcoreapp2.0) (== netstandard2.0)
      System.Runtime.Extensions (>= 4.3) - restriction: || (&& (== net471) (< net46)) (== netcoreapp2.0) (== netstandard2.0)
      System.Runtime.Handles (>= 4.3) - restriction: || (&& (== net471) (< net46)) (== netcoreapp2.0) (== netstandard2.0)
      System.Runtime.InteropServices (>= 4.3) - restriction: || (&& (== net471) (< net46)) (== netcoreapp2.0) (== netstandard2.0)
      System.Security.Cryptography.Algorithms (>= 4.3)
      System.Security.Cryptography.Encoding (>= 4.3) - restriction: || (&& (== net471) (< net46)) (== netcoreapp2.0) (== netstandard2.0)
      System.Security.Cryptography.Primitives (>= 4.3)
      System.Text.Encoding (>= 4.3) - restriction: || (&& (== net471) (< net46)) (== netcoreapp2.0) (== netstandard2.0)
      System.Threading (>= 4.3) - restriction: || (&& (== net471) (< net46)) (== netcoreapp2.0) (== netstandard2.0)
    System.Security.Cryptography.Encoding (4.3)
      Microsoft.NETCore.Platforms (>= 1.1) - restriction: || (&& (== net471) (< net46)) (== netcoreapp2.0) (== netstandard2.0)
      runtime.native.System.Security.Cryptography.OpenSsl (>= 4.3) - restriction: || (&& (== net471) (< net46)) (== netcoreapp2.0) (== netstandard2.0)
      System.Collections (>= 4.3) - restriction: || (&& (== net471) (< net46)) (== netcoreapp2.0) (== netstandard2.0)
      System.Collections.Concurrent (>= 4.3) - restriction: || (&& (== net471) (< net46)) (== netcoreapp2.0) (== netstandard2.0)
      System.Linq (>= 4.3) - restriction: || (&& (== net471) (< net46)) (== netcoreapp2.0) (== netstandard2.0)
      System.Resources.ResourceManager (>= 4.3) - restriction: || (&& (== net471) (< net46)) (== netcoreapp2.0) (== netstandard2.0)
      System.Runtime (>= 4.3) - restriction: || (&& (== net471) (< net46)) (== netcoreapp2.0) (== netstandard2.0)
      System.Runtime.Extensions (>= 4.3) - restriction: || (&& (== net471) (< net46)) (== netcoreapp2.0) (== netstandard2.0)
      System.Runtime.Handles (>= 4.3) - restriction: || (&& (== net471) (< net46)) (== netcoreapp2.0) (== netstandard2.0)
      System.Runtime.InteropServices (>= 4.3) - restriction: || (&& (== net471) (< net46)) (== netcoreapp2.0) (== netstandard2.0)
      System.Security.Cryptography.Primitives (>= 4.3) - restriction: || (&& (== net471) (< net46)) (== netcoreapp2.0) (== netstandard2.0)
      System.Text.Encoding (>= 4.3) - restriction: || (&& (== net471) (< net46)) (== netcoreapp2.0) (== netstandard2.0)
    System.Security.Cryptography.OpenSsl (4.5.1) - restriction: || (&& (== net471) (< net46)) (== netcoreapp2.0) (== netstandard2.0)
      Microsoft.NETCore.Platforms (>= 2.1.2) - restriction: || (&& (== net471) (>= netcoreapp2.0)) (== netcoreapp2.0) (&& (== netstandard2.0) (>= netcoreapp2.0))
    System.Security.Cryptography.Primitives (4.3)
      System.Diagnostics.Debug (>= 4.3) - restriction: || (&& (== net471) (< net46)) (== netcoreapp2.0) (== netstandard2.0)
      System.Globalization (>= 4.3) - restriction: || (&& (== net471) (< net46)) (== netcoreapp2.0) (== netstandard2.0)
      System.IO (>= 4.3) - restriction: || (&& (== net471) (< net46)) (== netcoreapp2.0) (== netstandard2.0)
      System.Resources.ResourceManager (>= 4.3) - restriction: || (&& (== net471) (< net46)) (== netcoreapp2.0) (== netstandard2.0)
      System.Runtime (>= 4.3) - restriction: || (&& (== net471) (< net46)) (== netcoreapp2.0) (== netstandard2.0)
      System.Threading (>= 4.3) - restriction: || (&& (== net471) (< net46)) (== netcoreapp2.0) (== netstandard2.0)
      System.Threading.Tasks (>= 4.3) - restriction: || (&& (== net471) (< net46)) (== netcoreapp2.0) (== netstandard2.0)
    System.Security.Cryptography.X509Certificates (4.3.2)
      Microsoft.NETCore.Platforms (>= 1.1) - restriction: || (&& (== net471) (>= dnxcore50)) (&& (== net471) (< net46)) (== netcoreapp2.0) (== netstandard2.0)
      runtime.native.System (>= 4.3) - restriction: || (&& (== net471) (< net46)) (== netcoreapp2.0) (== netstandard2.0)
      runtime.native.System.Net.Http (>= 4.3) - restriction: || (&& (== net471) (< net46)) (== netcoreapp2.0) (== netstandard2.0)
      runtime.native.System.Security.Cryptography.OpenSsl (>= 4.3.2) - restriction: || (&& (== net471) (< net46)) (== netcoreapp2.0) (== netstandard2.0)
      System.Collections (>= 4.3) - restriction: || (&& (== net471) (>= dnxcore50)) (&& (== net471) (< net46)) (== netcoreapp2.0) (== netstandard2.0)
      System.Diagnostics.Debug (>= 4.3) - restriction: || (&& (== net471) (< net46)) (== netcoreapp2.0) (== netstandard2.0)
      System.Globalization (>= 4.3) - restriction: || (&& (== net471) (>= dnxcore50)) (&& (== net471) (< net46)) (== netcoreapp2.0) (== netstandard2.0)
      System.Globalization.Calendars (>= 4.3) - restriction: || (&& (== net471) (>= dnxcore50)) (&& (== net471) (< net46)) (== netcoreapp2.0) (== netstandard2.0)
      System.IO (>= 4.3) - restriction: || (&& (== net471) (>= dnxcore50)) (&& (== net471) (< net46)) (== netcoreapp2.0) (== netstandard2.0)
      System.IO.FileSystem (>= 4.3) - restriction: || (&& (== net471) (>= dnxcore50)) (&& (== net471) (< net46)) (== netcoreapp2.0) (== netstandard2.0)
      System.IO.FileSystem.Primitives (>= 4.3) - restriction: || (&& (== net471) (< net46)) (== netcoreapp2.0) (== netstandard2.0)
      System.Resources.ResourceManager (>= 4.3) - restriction: || (&& (== net471) (>= dnxcore50)) (&& (== net471) (< net46)) (== netcoreapp2.0) (== netstandard2.0)
      System.Runtime (>= 4.3) - restriction: || (&& (== net471) (>= dnxcore50)) (&& (== net471) (< net46)) (== netcoreapp2.0) (== netstandard2.0)
      System.Runtime.Extensions (>= 4.3) - restriction: || (&& (== net471) (>= dnxcore50)) (&& (== net471) (< net46)) (== netcoreapp2.0) (== netstandard2.0)
      System.Runtime.Handles (>= 4.3) - restriction: || (&& (== net471) (>= dnxcore50)) (&& (== net471) (< net46)) (== netcoreapp2.0) (== netstandard2.0)
      System.Runtime.InteropServices (>= 4.3) - restriction: || (&& (== net471) (>= dnxcore50)) (&& (== net471) (< net46)) (== netcoreapp2.0) (== netstandard2.0)
      System.Runtime.Numerics (>= 4.3) - restriction: || (&& (== net471) (>= dnxcore50)) (&& (== net471) (< net46)) (== netcoreapp2.0) (== netstandard2.0)
      System.Security.Cryptography.Algorithms (>= 4.3)
      System.Security.Cryptography.Cng (>= 4.3) - restriction: || (&& (== net471) (>= dnxcore50)) (&& (== net471) (< net46)) (== netcoreapp2.0) (== netstandard2.0)
      System.Security.Cryptography.Csp (>= 4.3) - restriction: || (&& (== net471) (< net46)) (== netcoreapp2.0) (== netstandard2.0)
      System.Security.Cryptography.Encoding (>= 4.3)
      System.Security.Cryptography.OpenSsl (>= 4.3) - restriction: || (&& (== net471) (< net46)) (== netcoreapp2.0) (== netstandard2.0)
      System.Security.Cryptography.Primitives (>= 4.3) - restriction: || (&& (== net471) (>= dnxcore50)) (&& (== net471) (< net46)) (== netcoreapp2.0) (== netstandard2.0)
      System.Text.Encoding (>= 4.3) - restriction: || (&& (== net471) (>= dnxcore50)) (&& (== net471) (< net46)) (== netcoreapp2.0) (== netstandard2.0)
      System.Threading (>= 4.3) - restriction: || (&& (== net471) (>= dnxcore50)) (&& (== net471) (< net46)) (== netcoreapp2.0) (== netstandard2.0)
    System.Security.Principal (4.3) - restriction: || (&& (== net471) (< net46)) (== netcoreapp2.0) (== netstandard2.0)
      System.Runtime (>= 4.3) - restriction: || (&& (== net471) (>= dnxcore50)) (&& (== net471) (< net45)) (== netcoreapp2.0) (== netstandard2.0)
    System.Security.Principal.Windows (4.5.1) - restriction: || (&& (== net471) (>= monoandroid) (< netstandard2.0)) (&& (== net471) (>= monotouch)) (&& (== net471) (< net46)) (&& (== net471) (>= netcoreapp2.0)) (&& (== net471) (>= xamarinios)) (&& (== net471) (>= xamarinmac)) (&& (== net471) (>= xamarintvos)) (&& (== net471) (>= xamarinwatchos)) (== netcoreapp2.0) (== netstandard2.0)
      Microsoft.NETCore.Platforms (>= 2.0) - restriction: || (&& (== net471) (>= netcoreapp2.0)) (== netcoreapp2.0) (&& (== netstandard2.0) (>= netcoreapp2.0))
    System.Text.Encoding (4.3) - restriction: || (&& (== net471) (< net46)) (== netcoreapp2.0) (== netstandard2.0)
      Microsoft.NETCore.Platforms (>= 1.1) - restriction: || (&& (== net471) (>= dnxcore50)) (&& (== net471) (< net45)) (== netcoreapp2.0) (== netstandard2.0)
      Microsoft.NETCore.Targets (>= 1.1) - restriction: || (&& (== net471) (>= dnxcore50)) (&& (== net471) (< net45)) (== netcoreapp2.0) (== netstandard2.0)
      System.Runtime (>= 4.3) - restriction: || (&& (== net471) (>= dnxcore50)) (&& (== net471) (< net45)) (== netcoreapp2.0) (== netstandard2.0)
    System.Text.Encoding.Extensions (4.3) - restriction: || (&& (== net471) (< net46)) (== netcoreapp2.0) (== netstandard2.0)
      Microsoft.NETCore.Platforms (>= 1.1) - restriction: || (&& (== net471) (>= dnxcore50)) (&& (== net471) (< net45)) (== netcoreapp2.0) (== netstandard2.0)
      Microsoft.NETCore.Targets (>= 1.1) - restriction: || (&& (== net471) (>= dnxcore50)) (&& (== net471) (< net45)) (== netcoreapp2.0) (== netstandard2.0)
      System.Runtime (>= 4.3) - restriction: || (&& (== net471) (>= dnxcore50)) (&& (== net471) (< net45)) (== netcoreapp2.0) (== netstandard2.0)
      System.Text.Encoding (>= 4.3) - restriction: || (&& (== net471) (>= dnxcore50)) (&& (== net471) (< net45)) (== netcoreapp2.0) (== netstandard2.0)
    System.Text.RegularExpressions (4.3.1) - restriction: || (&& (== net471) (< net451)) (== netcoreapp2.0) (== netstandard2.0)
      System.Collections (>= 4.3) - restriction: || (&& (== net471) (< net45)) (&& (== net471) (< portable-net45+win8+wp8+wpa81)) (&& (== netcoreapp2.0) (< netcoreapp1.1)) (&& (== netcoreapp2.0) (< portable-net45+win8+wp8+wpa81)) (== netstandard2.0)
      System.Globalization (>= 4.3) - restriction: || (&& (== net471) (< net45)) (&& (== net471) (< portable-net45+win8+wp8+wpa81)) (&& (== netcoreapp2.0) (< netcoreapp1.1)) (&& (== netcoreapp2.0) (< portable-net45+win8+wp8+wpa81)) (== netstandard2.0)
      System.Resources.ResourceManager (>= 4.3) - restriction: || (&& (== net471) (< net45)) (&& (== net471) (< portable-net45+win8+wp8+wpa81)) (&& (== netcoreapp2.0) (< netcoreapp1.1)) (&& (== netcoreapp2.0) (< portable-net45+win8+wp8+wpa81)) (== netstandard2.0)
      System.Runtime (>= 4.3.1) - restriction: || (&& (== net471) (< net45)) (&& (== net471) (>= netcoreapp1.1)) (&& (== net471) (< portable-net45+win8+wp8+wpa81)) (== netcoreapp2.0) (== netstandard2.0)
      System.Runtime.Extensions (>= 4.3.1) - restriction: || (&& (== net471) (< net45)) (&& (== net471) (< portable-net45+win8+wp8+wpa81)) (&& (== netcoreapp2.0) (< netcoreapp1.1)) (&& (== netcoreapp2.0) (< portable-net45+win8+wp8+wpa81)) (== netstandard2.0)
      System.Threading (>= 4.3) - restriction: || (&& (== net471) (< net45)) (&& (== net471) (< portable-net45+win8+wp8+wpa81)) (&& (== netcoreapp2.0) (< netcoreapp1.1)) (&& (== netcoreapp2.0) (< portable-net45+win8+wp8+wpa81)) (== netstandard2.0)
    System.Threading (4.3) - restriction: || (&& (== net471) (>= dnxcore50)) (&& (== net471) (< net45)) (&& (== net471) (< portable-net45+win8+wp8+wpa81)) (== netcoreapp2.0) (== netstandard2.0)
      System.Runtime (>= 4.3) - restriction: || (&& (== net471) (>= dnxcore50)) (&& (== net471) (< net45)) (== netcoreapp2.0) (== netstandard2.0)
      System.Threading.Tasks (>= 4.3) - restriction: || (&& (== net471) (>= dnxcore50)) (&& (== net471) (< net45)) (== netcoreapp2.0) (== netstandard2.0)
    System.Threading.Tasks (4.3) - restriction: || (&& (== net471) (< net46)) (== netcoreapp2.0) (== netstandard2.0)
      Microsoft.NETCore.Platforms (>= 1.1) - restriction: || (&& (== net471) (>= dnxcore50)) (&& (== net471) (< net45)) (== netcoreapp2.0) (== netstandard2.0)
      Microsoft.NETCore.Targets (>= 1.1) - restriction: || (&& (== net471) (>= dnxcore50)) (&& (== net471) (< net45)) (== netcoreapp2.0) (== netstandard2.0)
      System.Runtime (>= 4.3) - restriction: || (&& (== net471) (>= dnxcore50)) (&& (== net471) (< net45)) (== netcoreapp2.0) (== netstandard2.0)
    System.Threading.Tasks.Extensions (4.5.3)
      System.Runtime.CompilerServices.Unsafe (>= 4.5.2)
    System.Threading.Thread (4.3) - restriction: || (&& (== net471) (< net46)) (== netcoreapp2.0) (== netstandard2.0)
      System.Runtime (>= 4.3) - restriction: || (&& (== net471) (< net46)) (== netcoreapp2.0) (== netstandard2.0)
    System.Threading.ThreadPool (4.3) - restriction: || (&& (== net471) (< net46)) (== netcoreapp2.0) (== netstandard2.0)
      System.Runtime (>= 4.3) - restriction: || (&& (== net471) (< net46)) (== netcoreapp2.0) (== netstandard2.0)
      System.Runtime.Handles (>= 4.3) - restriction: || (&& (== net471) (< net46)) (== netcoreapp2.0) (== netstandard2.0)
    System.ValueTuple (4.5) - restriction: || (== net471) (&& (== netcoreapp2.0) (>= net46)) (&& (== netcoreapp2.0) (>= uap10.0)) (&& (== netstandard2.0) (>= net46)) (&& (== netstandard2.0) (>= uap10.0))
    System.Xml.ReaderWriter (4.3.1) - restriction: || (&& (== net471) (>= dnxcore50)) (&& (== net471) (< net45)) (== netcoreapp2.0) (== netstandard2.0)
      System.Collections (>= 4.3) - restriction: || (&& (== net471) (>= dnxcore50)) (&& (== net471) (< net45)) (== netcoreapp2.0) (== netstandard2.0)
      System.Diagnostics.Debug (>= 4.3) - restriction: || (&& (== net471) (>= dnxcore50)) (&& (== net471) (< net45)) (== netcoreapp2.0) (== netstandard2.0)
      System.Globalization (>= 4.3) - restriction: || (&& (== net471) (>= dnxcore50)) (&& (== net471) (< net45)) (== netcoreapp2.0) (== netstandard2.0)
      System.IO (>= 4.3) - restriction: || (&& (== net471) (>= dnxcore50)) (&& (== net471) (< net45)) (== netcoreapp2.0) (== netstandard2.0)
      System.IO.FileSystem (>= 4.3) - restriction: || (&& (== net471) (>= dnxcore50)) (&& (== net471) (< net45)) (== netcoreapp2.0) (== netstandard2.0)
      System.IO.FileSystem.Primitives (>= 4.3) - restriction: || (&& (== net471) (>= dnxcore50)) (&& (== net471) (< net45)) (== netcoreapp2.0) (== netstandard2.0)
      System.Resources.ResourceManager (>= 4.3) - restriction: || (&& (== net471) (>= dnxcore50)) (&& (== net471) (< net45)) (== netcoreapp2.0) (== netstandard2.0)
      System.Runtime (>= 4.3) - restriction: || (&& (== net471) (>= dnxcore50)) (&& (== net471) (< net45)) (== netcoreapp2.0) (== netstandard2.0)
      System.Runtime.Extensions (>= 4.3) - restriction: || (&& (== net471) (>= dnxcore50)) (&& (== net471) (< net45)) (== netcoreapp2.0) (== netstandard2.0)
      System.Runtime.InteropServices (>= 4.3) - restriction: || (&& (== net471) (>= dnxcore50)) (&& (== net471) (< net45)) (== netcoreapp2.0) (== netstandard2.0)
      System.Text.Encoding (>= 4.3) - restriction: || (&& (== net471) (>= dnxcore50)) (&& (== net471) (< net45)) (== netcoreapp2.0) (== netstandard2.0)
      System.Text.Encoding.Extensions (>= 4.3) - restriction: || (&& (== net471) (>= dnxcore50)) (&& (== net471) (< net45)) (== netcoreapp2.0) (== netstandard2.0)
      System.Text.RegularExpressions (>= 4.3) - restriction: || (&& (== net471) (>= dnxcore50)) (&& (== net471) (< net45)) (== netcoreapp2.0) (== netstandard2.0)
      System.Threading.Tasks (>= 4.3) - restriction: || (&& (== net471) (>= dnxcore50)) (&& (== net471) (< net45)) (== netcoreapp2.0) (== netstandard2.0)
      System.Threading.Tasks.Extensions (>= 4.3) - restriction: || (&& (== net471) (>= dnxcore50)) (&& (== net471) (< net45)) (== netcoreapp2.0) (== netstandard2.0)
    System.Xml.XDocument (4.3) - restriction: || (&& (== net471) (>= dnxcore50)) (&& (== net471) (< net45)) (== netcoreapp2.0) (== netstandard2.0)
      System.Collections (>= 4.3) - restriction: || (&& (== net471) (>= dnxcore50)) (&& (== net471) (< net45)) (== netcoreapp2.0) (== netstandard2.0)
      System.Diagnostics.Debug (>= 4.3) - restriction: || (&& (== net471) (>= dnxcore50)) (&& (== net471) (< net45)) (== netcoreapp2.0) (== netstandard2.0)
      System.Diagnostics.Tools (>= 4.3) - restriction: || (&& (== net471) (>= dnxcore50)) (&& (== net471) (< net45)) (== netcoreapp2.0) (== netstandard2.0)
      System.Globalization (>= 4.3) - restriction: || (&& (== net471) (>= dnxcore50)) (&& (== net471) (< net45)) (== netcoreapp2.0) (== netstandard2.0)
      System.IO (>= 4.3) - restriction: || (&& (== net471) (>= dnxcore50)) (&& (== net471) (< net45)) (== netcoreapp2.0) (== netstandard2.0)
      System.Reflection (>= 4.3) - restriction: || (&& (== net471) (>= dnxcore50)) (&& (== net471) (< net45)) (== netcoreapp2.0) (== netstandard2.0)
      System.Resources.ResourceManager (>= 4.3) - restriction: || (&& (== net471) (>= dnxcore50)) (&& (== net471) (< net45)) (== netcoreapp2.0) (== netstandard2.0)
      System.Runtime (>= 4.3) - restriction: || (&& (== net471) (>= dnxcore50)) (&& (== net471) (< net45)) (== netcoreapp2.0) (== netstandard2.0)
      System.Runtime.Extensions (>= 4.3) - restriction: || (&& (== net471) (>= dnxcore50)) (&& (== net471) (< net45)) (== netcoreapp2.0) (== netstandard2.0)
      System.Text.Encoding (>= 4.3) - restriction: || (&& (== net471) (>= dnxcore50)) (&& (== net471) (< net45)) (== netcoreapp2.0) (== netstandard2.0)
      System.Threading (>= 4.3) - restriction: || (&& (== net471) (>= dnxcore50)) (&& (== net471) (< net45)) (== netcoreapp2.0) (== netstandard2.0)
      System.Xml.ReaderWriter (>= 4.3) - restriction: || (&& (== net471) (>= dnxcore50)) (&& (== net471) (< net45)) (== netcoreapp2.0) (== netstandard2.0)
    System.Xml.XmlDocument (4.3) - restriction: || (&& (== net471) (>= dnxcore50)) (&& (== net471) (< net45)) (== netcoreapp2.0) (== netstandard2.0)
      System.Collections (>= 4.3) - restriction: || (&& (== net471) (< net46)) (== netcoreapp2.0) (== netstandard2.0)
      System.Diagnostics.Debug (>= 4.3) - restriction: || (&& (== net471) (< net46)) (== netcoreapp2.0) (== netstandard2.0)
      System.Globalization (>= 4.3) - restriction: || (&& (== net471) (< net46)) (== netcoreapp2.0) (== netstandard2.0)
      System.IO (>= 4.3) - restriction: || (&& (== net471) (< net46)) (== netcoreapp2.0) (== netstandard2.0)
      System.Resources.ResourceManager (>= 4.3) - restriction: || (&& (== net471) (< net46)) (== netcoreapp2.0) (== netstandard2.0)
      System.Runtime (>= 4.3) - restriction: || (&& (== net471) (< net46)) (== netcoreapp2.0) (== netstandard2.0)
      System.Runtime.Extensions (>= 4.3) - restriction: || (&& (== net471) (< net46)) (== netcoreapp2.0) (== netstandard2.0)
      System.Text.Encoding (>= 4.3) - restriction: || (&& (== net471) (< net46)) (== netcoreapp2.0) (== netstandard2.0)
      System.Threading (>= 4.3) - restriction: || (&& (== net471) (< net46)) (== netcoreapp2.0) (== netstandard2.0)
      System.Xml.ReaderWriter (>= 4.3) - restriction: || (&& (== net471) (< net46)) (== netcoreapp2.0) (== netstandard2.0)
    System.Xml.XmlSerializer (4.3) - restriction: || (&& (== net471) (>= dnxcore50)) (&& (== net471) (< net45)) (== netcoreapp2.0) (== netstandard2.0)
      System.Collections (>= 4.3) - restriction: || (&& (== net471) (>= dnxcore50)) (&& (== net471) (< net45)) (== netcoreapp2.0) (== netstandard2.0)
      System.Globalization (>= 4.3) - restriction: || (&& (== net471) (>= dnxcore50)) (&& (== net471) (< net45)) (== netcoreapp2.0) (== netstandard2.0)
      System.IO (>= 4.3) - restriction: || (&& (== net471) (>= dnxcore50)) (&& (== net471) (< net45)) (== netcoreapp2.0) (== netstandard2.0)
      System.Linq (>= 4.3) - restriction: || (&& (== net471) (>= dnxcore50)) (&& (== net471) (< net45)) (== netcoreapp2.0) (== netstandard2.0)
      System.Reflection (>= 4.3) - restriction: || (&& (== net471) (>= dnxcore50)) (&& (== net471) (< net45)) (== netcoreapp2.0) (== netstandard2.0)
      System.Reflection.Emit (>= 4.3) - restriction: || (&& (== net471) (>= dnxcore50)) (&& (== net471) (< net45)) (== netcoreapp2.0) (== netstandard2.0)
      System.Reflection.Emit.ILGeneration (>= 4.3) - restriction: || (&& (== net471) (>= dnxcore50)) (&& (== net471) (< net45)) (== netcoreapp2.0) (== netstandard2.0)
      System.Reflection.Extensions (>= 4.3) - restriction: || (&& (== net471) (>= dnxcore50)) (&& (== net471) (< net45)) (== netcoreapp2.0) (== netstandard2.0)
      System.Reflection.Primitives (>= 4.3) - restriction: || (&& (== net471) (>= dnxcore50)) (&& (== net471) (< net45)) (== netcoreapp2.0) (== netstandard2.0)
      System.Reflection.TypeExtensions (>= 4.3) - restriction: || (&& (== net471) (>= dnxcore50)) (&& (== net471) (< net45)) (== netcoreapp2.0) (== netstandard2.0)
      System.Resources.ResourceManager (>= 4.3) - restriction: || (&& (== net471) (>= dnxcore50)) (&& (== net471) (< net45)) (== netcoreapp2.0) (== netstandard2.0)
      System.Runtime (>= 4.3) - restriction: || (&& (== net471) (>= dnxcore50)) (&& (== net471) (< net45)) (== netcoreapp2.0) (== netstandard2.0)
      System.Runtime.Extensions (>= 4.3) - restriction: || (&& (== net471) (>= dnxcore50)) (&& (== net471) (< net45)) (== netcoreapp2.0) (== netstandard2.0)
      System.Text.RegularExpressions (>= 4.3) - restriction: || (&& (== net471) (>= dnxcore50)) (&& (== net471) (< net45)) (== netcoreapp2.0) (== netstandard2.0)
      System.Threading (>= 4.3) - restriction: || (&& (== net471) (>= dnxcore50)) (&& (== net471) (< net45)) (== netcoreapp2.0) (== netstandard2.0)
      System.Xml.ReaderWriter (>= 4.3) - restriction: || (&& (== net471) (>= dnxcore50)) (&& (== net471) (< net45)) (== netcoreapp2.0) (== netstandard2.0)
      System.Xml.XmlDocument (>= 4.3) - restriction: || (&& (== net471) (>= dnxcore50)) (&& (== net471) (< net45)) (== netcoreapp2.0) (== netstandard2.0)
    Unofficial.AssimpNet (4.0.1)
    Unofficial.LibTessDotNet (2.0.2)
    Unofficial.OpenTK (3.0.16)
    Unofficial.OpenTK.GLControl (3.0.16)
      Unofficial.OpenTK (3.0.16)
    Unofficial.OpenVR (1.1)
    Unofficial.Typography (0.0.3)
GITHUB
  remote: aardvark-platform/aardvark.rendering
    src/Application/Aardvark.Application.Utilities/FsiHelper.fsx (fa89632a94a9338cb25cd886d7256757402c371d)
GROUP Build
CONTENT: NONE
RESTRICTION: == net45
NUGET
  remote: https://api.nuget.org/v3/index.json
    FAKE (4.63.2)
    Mono.Cecil (0.10.4)
    SourceLink.Fake (1.1)
GITHUB
  remote: aardvark-platform/aardvark.fake
    FULLPROJECT (96926239f65c3d28860054c76882b637163f2841)
      FAKE (>= 4.63 < 4.64)
      Mono.Cecil (>= 0.10.0-beta6 < 0.11)
      SourceLink.Fake (>= 1.1 < 1.2)